{
  "bids_meta": {
    "AcquisitionMatrixPE": 256,
    "AcquisitionNumber": 1,
    "AcquisitionTime": "16:51:38.640000",
    "BaseResolution": 256,
    "BodyPartExamined": "BRAIN",
    "ConsistencyInfo": "N4_VD13D_LATEST_20130810",
    "ConversionSoftware": "dcm2niix",
    "ConversionSoftwareVersion": "v1.0.20180518 GCC4.8.5",
    "DeviceSerialNumber": "66018",
    "DwellTime": 9.8e-06,
    "EchoTime": 0.00219,
    "FlipAngle": 7,
    "ImageOrientationPatientDICOM": [
      0,
      1,
      0,
      0,
      0,
      -1
    ],
    "ImageType": [
      "ORIGINAL",
      "PRIMARY",
      "M",
      "ND",
      "NORM"
    ],
    "InPlanePhaseEncodingDirectionDICOM": "ROW",
    "InstitutionAddress": "Stadium_1952_Princeton_NJ_US_08544",
    "InstitutionName": "Princeton_University",
    "InstitutionalDepartmentName": "NeuroScience",
    "InversionTime": 1.2,
    "MRAcquisitionType": "3D",
    "MagneticFieldStrength": 3,
    "Manufacturer": "Siemens",
    "ManufacturersModelName": "Prisma",
    "Modality": "MR",
    "ParallelReductionFactorInPlane": 2,
    "PartialFourier": 1,
    "PatientPosition": "HFS",
    "PercentPhaseFOV": 100,
    "PhaseEncodingSteps": 255,
    "PhaseResolution": 1,
    "PixelBandwidth": 200,
    "ProcedureStepDescription": "Turk-Browne_projects",
    "ProtocolName": "MPRAGE_1.0mm_ipat",
    "PulseSequenceDetails": "%SiemensSeq%_tfl",
    "ReceiveCoilActiveElements": "HC1-7;NC1,2",
    "ReceiveCoilName": "HeadNeck_64",
    "ReconMatrixPE": 256,
    "RepetitionTime": 2.53,
    "SAR": 0.0374257,
    "ScanOptions": "IR",
    "ScanningSequence": "GR_IR",
    "SequenceName": "_tfl3d1_16ns",
    "SequenceVariant": "SK_SP_MP",
    "SeriesDescription": "MPRAGE_1.0mm_ipat",
    "SeriesNumber": 2,
    "ShimSetting": [
      756,
      499,
      2008,
      349,
      -114,
      -181,
      283,
      83
    ],
    "SliceThickness": 1,
    "SoftwareVersions": "syngo_MR_D13D",
    "StationName": "AWP66018",
    "TxRefAmp": 231.2,
    "dataset": "ds001545",
    "modality": "T1w",
    "subject_id": "28"
  },
  "cjv": 0.33502497275272786,
  "cnr": 3.939937784933487,
  "efc": 0.5427537065934398,
  "fber": 9399.926165315823,
  "fwhm_avg": 3.7351499999999995,
  "fwhm_x": 3.68675,
  "fwhm_y": 3.78714,
  "fwhm_z": 3.73156,
  "icvs_csf": 0.19300391683166646,
  "icvs_gm": 0.4560679329650276,
  "icvs_wm": 0.3509281502033059,
  "inu_med": 0.6447240114212036,
  "inu_range": 0.32026518583297725,
  "provenance": {
    "md5sum": "271a02ddbf3b835c5321ddcf16a5b2f9",
    "settings": {
      "testing": false
    },
    "software": "mriqc",
    "version": "23.0.1",
    "warnings": {
      "large_rot_frame": true,
      "small_air_mask": false
    },
    "webapi_port": null,
    "webapi_url": "https://mriqc.nimh.nih.gov/api/v1"
  },
  "qi_1": 0.0,
  "qi_2": 0.002328029811384012,
  "rpve_csf": 25.43661039537983,
  "rpve_gm": 11.875896598252965,
  "rpve_wm": 17.496151055232623,
  "size_x": 176,
  "size_y": 256,
  "size_z": 256,
  "snr_csf": 1.4615834417469595,
  "snr_gm": 11.199604723566832,
  "snr_total": 11.89468173899212,
  "snr_wm": 23.022857051662566,
  "snrd_csf": 13.066717989456052,
  "snrd_gm": 41.46920852379859,
  "snrd_total": 38.02812539075234,
  "snrd_wm": 59.54844965900241,
  "spacing_x": 1.0,
  "spacing_y": 1.0,
  "spacing_z": 1.0,
  "summary_bg_k": 2.7537047143732227,
  "summary_bg_mad": 11.001737429592957,
  "summary_bg_mean": 11.505164678146595,
  "summary_bg_median": 7.4205591306090355,
  "summary_bg_n": 3414945.0,
  "summary_bg_p05": 0.0,
  "summary_bg_p95": 38.4230178296566,
  "summary_bg_stdv": 13.606102749272676,
  "summary_csf_k": 30.384363430153897,
  "summary_csf_mad": 101.17548715926283,
  "summary_csf_mean": 243.4091997880091,
  "summary_csf_median": 219.43003073334694,
  "summary_csf_n": 22319.0,
  "summary_csf_p05": 78.33925246596337,
  "summary_csf_p95": 467.00810877010207,
  "summary_csf_stdv": 150.12835301998976,
  "summary_gm_k": 0.13328637632804918,
  "summary_gm_mad": 61.28575206178162,
  "summary_gm_mean": 695.6553685653869,
  "summary_gm_median": 696.394435711205,
  "summary_gm_n": 38080.0,
  "summary_gm_p05": 592.2789833694696,
  "summary_gm_p95": 796.2305472046137,
  "summary_gm_stdv": 62.17945266865522,
  "summary_wm_k": 0.6966404379276336,
  "summary_wm_mad": 40.42969767071277,
  "summary_wm_mean": 1000.9291829234254,
  "summary_wm_median": 1000.0000114291906,
  "summary_wm_n": 184504.0,
  "summary_wm_p05": 931.4395080506802,
  "summary_wm_p95": 1073.613779000938,
  "summary_wm_stdv": 43.43497851779115,
  "tpm_overlap_csf": 0.15593795829491378,
  "tpm_overlap_gm": 0.464595670795019,
  "tpm_overlap_wm": 0.4929471455997441,
  "wm2max": 0.4036902945987172
}