{
  "bids_meta": {
    "AcquisitionMatrixPE": 256,
    "AcquisitionNumber": 1,
    "AcquisitionTime": "09:19:57.862500",
    "BaseResolution": 256,
    "BodyPartExamined": "BRAIN",
    "ConsistencyInfo": "N4_VD13D_LATEST_20130810",
    "ConversionSoftware": "dcm2niix",
    "ConversionSoftwareVersion": "v1.0.20180518 GCC4.8.5",
    "DeviceSerialNumber": "66018",
    "DwellTime": 9.8e-06,
    "EchoTime": 0.00267,
    "FlipAngle": 7,
    "ImageOrientationPatientDICOM": [
      0,
      1,
      0,
      0,
      0,
      -1
    ],
    "ImageType": [
      "ORIGINAL",
      "PRIMARY",
      "M",
      "ND",
      "NORM"
    ],
    "InPlanePhaseEncodingDirectionDICOM": "ROW",
    "InstitutionAddress": "Stadium_1952_Princeton_NJ_US_08544",
    "InstitutionName": "Princeton_University",
    "InstitutionalDepartmentName": "NeuroScience",
    "InversionTime": 1.2,
    "MRAcquisitionType": "3D",
    "MagneticFieldStrength": 3,
    "Manufacturer": "Siemens",
    "ManufacturersModelName": "Prisma",
    "Modality": "MR",
    "ParallelReductionFactorInPlane": 2,
    "PartialFourier": 1,
    "PatientPosition": "HFS",
    "PercentPhaseFOV": 100,
    "PhaseEncodingSteps": 255,
    "PhaseResolution": 1,
    "PixelBandwidth": 200,
    "ProcedureStepDescription": "Turk-Browne_projects",
    "ProtocolName": "MPRAGE_1.0mm_ipat",
    "PulseSequenceDetails": "%SiemensSeq%_tfl",
    "ReceiveCoilActiveElements": "HC1-7;NC1,2",
    "ReceiveCoilName": "HeadNeck_64",
    "ReconMatrixPE": 256,
    "RepetitionTime": 2.53,
    "SAR": 0.0323988,
    "ScanOptions": "IR",
    "ScanningSequence": "GR_IR",
    "SequenceName": "_tfl3d1_16",
    "SequenceVariant": "SK_SP_MP",
    "SeriesDescription": "MPRAGE_1.0mm_ipat",
    "SeriesNumber": 2,
    "ShimSetting": [
      764,
      584,
      1944,
      291,
      -95,
      69,
      451,
      7
    ],
    "SliceThickness": 1,
    "SoftwareVersions": "syngo_MR_D13D",
    "StationName": "AWP66018",
    "TxRefAmp": 250.19,
    "dataset": "ds001545",
    "modality": "T1w",
    "subject_id": "11"
  },
  "cjv": 0.3446491963729073,
  "cnr": 3.832233432644131,
  "efc": 0.5362908979165586,
  "fber": 4969.657580679331,
  "fwhm_avg": 4.245403333333333,
  "fwhm_x": 4.09699,
  "fwhm_y": 4.29913,
  "fwhm_z": 4.34009,
  "icvs_csf": 0.19113069550549056,
  "icvs_gm": 0.43813908600978263,
  "icvs_wm": 0.3707302184847268,
  "inu_med": 0.5336812734603882,
  "inu_range": 0.28905016779899595,
  "provenance": {
    "md5sum": "06935596e53dbb1bdcbf058b0824f287",
    "settings": {
      "testing": false
    },
    "software": "mriqc",
    "version": "23.0.1",
    "warnings": {
      "large_rot_frame": true,
      "small_air_mask": false
    },
    "webapi_port": null,
    "webapi_url": "https://mriqc.nimh.nih.gov/api/v1"
  },
  "qi_1": 0.0,
  "qi_2": 0.001614909510859817,
  "rpve_csf": 26.65979244712288,
  "rpve_gm": 12.590706606327233,
  "rpve_wm": 17.08171784592402,
  "size_x": 176,
  "size_y": 256,
  "size_z": 256,
  "snr_csf": 1.7966132739283704,
  "snr_gm": 10.138798748669943,
  "snr_total": 11.979656181689748,
  "snr_wm": 24.003556522470934,
  "snrd_csf": 8.297377996304903,
  "snrd_gm": 30.547160260221258,
  "snrd_total": 27.763477603418664,
  "snrd_wm": 44.445894553729836,
  "spacing_x": 1.0,
  "spacing_y": 1.0,
  "spacing_z": 1.0,
  "summary_bg_k": 3.4062287442897183,
  "summary_bg_mad": 14.740087462163428,
  "summary_bg_mean": 15.498750960374513,
  "summary_bg_median": 9.942037910223007,
  "summary_bg_n": 3409023.0,
  "summary_bg_p05": 0.0,
  "summary_bg_p95": 51.440989673137665,
  "summary_bg_stdv": 18.108301786639363,
  "summary_csf_k": 1.677707035491217,
  "summary_csf_mad": 77.34070182576438,
  "summary_csf_mean": 210.16886773977828,
  "summary_csf_median": 186.6849061846733,
  "summary_csf_n": 25289.0,
  "summary_csf_p05": 80.51843172311783,
  "summary_csf_p95": 426.179341673851,
  "summary_csf_stdv": 103.90728924660498,
  "summary_gm_k": -0.025388483735552025,
  "summary_gm_mad": 68.80696697924871,
  "summary_gm_mean": 687.432990524656,
  "summary_gm_median": 687.2886531054974,
  "summary_gm_n": 44315.0,
  "summary_gm_p05": 576.8394546210766,
  "summary_gm_p95": 798.5428749024868,
  "summary_gm_stdv": 67.78721183013337,
  "summary_wm_k": 0.6388821437113448,
  "summary_wm_mad": 38.96873325017295,
  "summary_wm_mean": 1000.2912639350053,
  "summary_wm_median": 999.9999588727951,
  "summary_wm_n": 212203.0,
  "summary_wm_p05": 932.6597587764263,
  "summary_wm_p95": 1068.7892009317875,
  "summary_wm_stdv": 41.66039318796811,
  "tpm_overlap_csf": 0.1492944674392221,
  "tpm_overlap_gm": 0.46846693465396705,
  "tpm_overlap_wm": 0.5136940560276323,
  "wm2max": 0.47487432383355316
}