{
  "bids_meta": {
    "AcquisitionMatrixPE": 256,
    "AcquisitionNumber": 1,
    "AcquisitionTime": "10:16:25.182500",
    "BaseResolution": 256,
    "BodyPartExamined": "BRAIN",
    "ConsistencyInfo": "N4_VD13D_LATEST_20130810",
    "ConversionSoftware": "dcm2niix",
    "ConversionSoftwareVersion": "v1.0.20180518 GCC4.8.5",
    "DeviceSerialNumber": "66018",
    "DwellTime": 9.8e-06,
    "EchoTime": 0.00267,
    "FlipAngle": 7,
    "ImageOrientationPatientDICOM": [
      0,
      1,
      0,
      0,
      0,
      -1
    ],
    "ImageType": [
      "ORIGINAL",
      "PRIMARY",
      "M",
      "ND",
      "NORM"
    ],
    "InPlanePhaseEncodingDirectionDICOM": "ROW",
    "InstitutionAddress": "Stadium_1952_Princeton_NJ_US_08544",
    "InstitutionName": "Princeton_University",
    "InstitutionalDepartmentName": "NeuroScience",
    "InversionTime": 1.2,
    "MRAcquisitionType": "3D",
    "MagneticFieldStrength": 3,
    "Manufacturer": "Siemens",
    "ManufacturersModelName": "Prisma",
    "Modality": "MR",
    "ParallelReductionFactorInPlane": 2,
    "PartialFourier": 1,
    "PatientPosition": "HFS",
    "PercentPhaseFOV": 100,
    "PhaseEncodingSteps": 255,
    "PhaseResolution": 1,
    "PixelBandwidth": 200,
    "ProcedureStepDescription": "Turk-Browne_projects",
    "ProtocolName": "MPRAGE_1.0mm_ipat",
    "PulseSequenceDetails": "%SiemensSeq%_tfl",
    "ReceiveCoilActiveElements": "HC1-7;NC1,2",
    "ReceiveCoilName": "HeadNeck_64",
    "ReconMatrixPE": 256,
    "RepetitionTime": 2.53,
    "SAR": 0.0361201,
    "ScanOptions": "IR",
    "ScanningSequence": "GR_IR",
    "SequenceName": "_tfl3d1_16",
    "SequenceVariant": "SK_SP_MP",
    "SeriesDescription": "MPRAGE_1.0mm_ipat",
    "SeriesNumber": 2,
    "ShimSetting": [
      776,
      533,
      1978,
      205,
      -62,
      -215,
      196,
      41
    ],
    "SliceThickness": 1,
    "SoftwareVersions": "syngo_MR_D13D",
    "StationName": "AWP66018",
    "TxRefAmp": 235.322,
    "dataset": "ds001545",
    "modality": "T1w",
    "subject_id": "12"
  },
  "cjv": 0.34898140297492614,
  "cnr": 3.784571586539692,
  "efc": 0.5462846664450303,
  "fber": 5807.263813002192,
  "fwhm_avg": 4.05857,
  "fwhm_x": 3.9482,
  "fwhm_y": 4.0245,
  "fwhm_z": 4.20301,
  "icvs_csf": 0.20086700745515754,
  "icvs_gm": 0.4425420122778674,
  "icvs_wm": 0.3565909802669751,
  "inu_med": 0.6073235273361206,
  "inu_range": 0.33370660245418543,
  "provenance": {
    "md5sum": "67a98cf8506da7c4eed84d90435f0ee7",
    "settings": {
      "testing": false
    },
    "software": "mriqc",
    "version": "23.0.1",
    "warnings": {
      "large_rot_frame": true,
      "small_air_mask": false
    },
    "webapi_port": null,
    "webapi_url": "https://mriqc.nimh.nih.gov/api/v1"
  },
  "qi_1": 0.0,
  "qi_2": 0.0026523176491313905,
  "rpve_csf": 23.970920383372665,
  "rpve_gm": 11.741845173220659,
  "rpve_wm": 16.7634046726783,
  "size_x": 176,
  "size_y": 256,
  "size_z": 256,
  "snr_csf": 1.835304577469354,
  "snr_gm": 10.693169337077604,
  "snr_total": 11.440248098189203,
  "snr_wm": 21.79227038002065,
  "snrd_csf": 9.351997796563914,
  "snrd_gm": 35.115427265594114,
  "snrd_total": 31.688459954138896,
  "snrd_wm": 50.59795480025866,
  "spacing_x": 1.0,
  "spacing_y": 1.0,
  "spacing_z": 1.0,
  "summary_bg_k": 14.754453961292874,
  "summary_bg_mad": 12.947883000990764,
  "summary_bg_mean": 13.125950167013512,
  "summary_bg_median": 8.733214370906353,
  "summary_bg_n": 3286597.0,
  "summary_bg_p05": 0.0,
  "summary_bg_p95": 39.72203955799341,
  "summary_bg_stdv": 14.806294973938622,
  "summary_csf_k": 12.471148814208622,
  "summary_csf_mad": 70.20397852956552,
  "summary_csf_mean": 207.84460968794855,
  "summary_csf_median": 184.82956113480031,
  "summary_csf_n": 29088.0,
  "summary_csf_p05": 88.69377390667796,
  "summary_csf_p95": 417.45703748241067,
  "summary_csf_stdv": 100.70610965649965,
  "summary_gm_k": 0.05703173211693846,
  "summary_gm_mad": 65.15708865014707,
  "summary_gm_mean": 693.3577243232747,
  "summary_gm_median": 694.0088258944452,
  "summary_gm_n": 42322.0,
  "summary_gm_p05": 585.5479377396405,
  "summary_gm_p95": 798.1970123946667,
  "summary_gm_stdv": 64.9013033292143,
  "summary_wm_k": 1.3329143334307707,
  "summary_wm_mad": 41.62813997092729,
  "summary_wm_mean": 1000.782254059214,
  "summary_wm_median": 999.9999982342124,
  "summary_wm_n": 205163.0,
  "summary_wm_p05": 927.4110228717327,
  "summary_wm_p95": 1075.312233991921,
  "summary_wm_stdv": 45.88771815448126,
  "tpm_overlap_csf": 0.163823480983732,
  "tpm_overlap_gm": 0.468839392231656,
  "tpm_overlap_wm": 0.5119216539877663,
  "wm2max": 0.46383861517449715
}