{
  "bids_meta": {
    "AcquisitionMatrixPE": 256,
    "AcquisitionNumber": 1,
    "AcquisitionTime": "14:20:26.150000",
    "BaseResolution": 256,
    "BodyPartExamined": "BRAIN",
    "ConsistencyInfo": "N4_VD13D_LATEST_20130810",
    "ConversionSoftware": "dcm2niix",
    "ConversionSoftwareVersion": "v1.0.20180518 GCC4.8.5",
    "DeviceSerialNumber": "66018",
    "DwellTime": 9.8e-06,
    "EchoTime": 0.00219,
    "FlipAngle": 7,
    "ImageOrientationPatientDICOM": [
      0,
      1,
      0,
      0,
      0,
      -1
    ],
    "ImageType": [
      "ORIGINAL",
      "PRIMARY",
      "M",
      "ND",
      "NORM"
    ],
    "InPlanePhaseEncodingDirectionDICOM": "ROW",
    "InstitutionAddress": "Stadium_1952_Princeton_NJ_US_08544",
    "InstitutionName": "Princeton_University",
    "InstitutionalDepartmentName": "NeuroScience",
    "InversionTime": 1.2,
    "MRAcquisitionType": "3D",
    "MagneticFieldStrength": 3,
    "Manufacturer": "Siemens",
    "ManufacturersModelName": "Prisma",
    "Modality": "MR",
    "ParallelReductionFactorInPlane": 2,
    "PartialFourier": 1,
    "PatientPosition": "HFS",
    "PercentPhaseFOV": 100,
    "PhaseEncodingSteps": 255,
    "PhaseResolution": 1,
    "PixelBandwidth": 200,
    "ProcedureStepDescription": "Turk-Browne_projects",
    "ProtocolName": "MPRAGE_1.0mm_ipat",
    "PulseSequenceDetails": "%SiemensSeq%_tfl",
    "ReceiveCoilActiveElements": "HC1-7;NC1,2",
    "ReceiveCoilName": "HeadNeck_64",
    "ReconMatrixPE": 256,
    "RepetitionTime": 2.53,
    "SAR": 0.0410533,
    "ScanOptions": "IR",
    "ScanningSequence": "GR_IR",
    "SequenceName": "_tfl3d1_16ns",
    "SequenceVariant": "SK_SP_MP",
    "SeriesDescription": "MPRAGE_1.0mm_ipat",
    "SeriesNumber": 2,
    "ShimSetting": [
      734,
      498,
      2006,
      283,
      -82,
      -270,
      260,
      53
    ],
    "SliceThickness": 1,
    "SoftwareVersions": "syngo_MR_D13D",
    "StationName": "AWP66018",
    "TxRefAmp": 244.622,
    "dataset": "ds001545",
    "modality": "T1w",
    "subject_id": "19"
  },
  "cjv": 0.34215849863817005,
  "cnr": 3.829022596706614,
  "efc": 0.5402679915430209,
  "fber": 11498.560982401426,
  "fwhm_avg": 3.837203333333333,
  "fwhm_x": 3.76394,
  "fwhm_y": 3.76001,
  "fwhm_z": 3.98766,
  "icvs_csf": 0.19883133020822813,
  "icvs_gm": 0.4536836845739686,
  "icvs_wm": 0.34748498521780324,
  "inu_med": 0.5833675265312195,
  "inu_range": 0.33551607728004457,
  "provenance": {
    "md5sum": "3c7ec53ca3a02ead4c80a7c5dffa8a01",
    "settings": {
      "testing": false
    },
    "software": "mriqc",
    "version": "23.0.1",
    "warnings": {
      "large_rot_frame": true,
      "small_air_mask": false
    },
    "webapi_port": null,
    "webapi_url": "https://mriqc.nimh.nih.gov/api/v1"
  },
  "qi_1": 0.0,
  "qi_2": 0.0029647543863306307,
  "rpve_csf": 24.338091147616275,
  "rpve_gm": 11.747625232620257,
  "rpve_wm": 17.60291046874496,
  "size_x": 176,
  "size_y": 256,
  "size_z": 256,
  "snr_csf": 1.853571661210223,
  "snr_gm": 11.00499435965795,
  "snr_total": 11.979210468356284,
  "snr_wm": 23.079065384200675,
  "snrd_csf": 14.426782546524414,
  "snrd_gm": 47.322884696759196,
  "snrd_total": 43.07896876538948,
  "snrd_wm": 67.48723905288486,
  "spacing_x": 1.0,
  "spacing_y": 1.0,
  "spacing_z": 1.0,
  "summary_bg_k": 2.630874470955326,
  "summary_bg_mad": 9.707559502040539,
  "summary_bg_mean": 10.332516826518953,
  "summary_bg_median": 6.547649383544922,
  "summary_bg_n": 4181054.0,
  "summary_bg_p05": 0.0,
  "summary_bg_p95": 34.221698731184006,
  "summary_bg_stdv": 12.320682313786007,
  "summary_csf_k": 1.1821085544886838,
  "summary_csf_mad": 92.52517650382389,
  "summary_csf_mean": 236.61789425736544,
  "summary_csf_median": 213.7705216705799,
  "summary_csf_n": 19767.0,
  "summary_csf_p05": 83.90710377991199,
  "summary_csf_p95": 469.69153624773026,
  "summary_csf_stdv": 115.32605877510437,
  "summary_gm_k": 0.1793398656551637,
  "summary_gm_mad": 61.88569182550843,
  "summary_gm_mean": 700.2864098309242,
  "summary_gm_median": 701.212326169014,
  "summary_gm_n": 37493.0,
  "summary_gm_p05": 593.0738043189049,
  "summary_gm_p95": 803.5705012977123,
  "summary_gm_stdv": 63.71679547913976,
  "summary_wm_k": 0.5880400413527287,
  "summary_wm_mad": 40.34704418035599,
  "summary_wm_mean": 1000.0614940609298,
  "summary_wm_median": 999.99998280406,
  "summary_wm_n": 193833.0,
  "summary_wm_p05": 928.9989098012447,
  "summary_wm_p95": 1071.0522093176842,
  "summary_wm_stdv": 43.329198414820986,
  "tpm_overlap_csf": 0.15032060820509424,
  "tpm_overlap_gm": 0.4585441732958263,
  "tpm_overlap_wm": 0.5025838708195857,
  "wm2max": 0.4093002805577656
}