{
  "bids_meta": {
    "AcquisitionMatrixPE": 256,
    "AcquisitionNumber": 1,
    "AcquisitionTime": "12:52:8.267500",
    "BaseResolution": 256,
    "BodyPartExamined": "BRAIN",
    "ConsistencyInfo": "N4_VD13D_LATEST_20130810",
    "ConversionSoftware": "dcm2niix",
    "ConversionSoftwareVersion": "v1.0.20180518 GCC4.8.5",
    "DeviceSerialNumber": "66018",
    "DwellTime": 9.8e-06,
    "EchoTime": 0.00267,
    "FlipAngle": 7,
    "ImageOrientationPatientDICOM": [
      -0.0401318,
      0.999194,
      -1.29809e-08,
      0.13215,
      0.00530768,
      -0.991216
    ],
    "ImageType": [
      "ORIGINAL",
      "PRIMARY",
      "M",
      "ND",
      "NORM"
    ],
    "InPlanePhaseEncodingDirectionDICOM": "ROW",
    "InstitutionAddress": "Stadium_1952_Princeton_NJ_US_08544",
    "InstitutionName": "Princeton_University",
    "InstitutionalDepartmentName": "NeuroScience",
    "InversionTime": 1.2,
    "MRAcquisitionType": "3D",
    "MagneticFieldStrength": 3,
    "Manufacturer": "Siemens",
    "ManufacturersModelName": "Prisma",
    "Modality": "MR",
    "ParallelReductionFactorInPlane": 2,
    "PartialFourier": 1,
    "PatientPosition": "HFS",
    "PercentPhaseFOV": 100,
    "PhaseEncodingSteps": 255,
    "PhaseResolution": 1,
    "PixelBandwidth": 200,
    "ProcedureStepDescription": "Turk-Browne_projects",
    "ProtocolName": "MPRAGE_1.0mm_ipat",
    "PulseSequenceDetails": "%SiemensSeq%_tfl",
    "ReceiveCoilActiveElements": "HC1-7;NC1",
    "ReceiveCoilName": "HeadNeck_64",
    "ReconMatrixPE": 256,
    "RepetitionTime": 2.53,
    "SAR": 0.034388,
    "ScanOptions": "IR",
    "ScanningSequence": "GR_IR",
    "SequenceName": "_tfl3d1_16",
    "SequenceVariant": "SK_SP_MP",
    "SeriesDescription": "MPRAGE_1.0mm_ipat",
    "SeriesNumber": 2,
    "ShimSetting": [
      778,
      546,
      1955,
      466,
      -130,
      -192,
      269,
      -7
    ],
    "SliceThickness": 1,
    "SoftwareVersions": "syngo_MR_D13D",
    "StationName": "AWP66018",
    "TxRefAmp": 242.396,
    "dataset": "ds001545",
    "modality": "T1w",
    "subject_id": "03"
  },
  "cjv": 0.3639165764769737,
  "cnr": 3.66273346027341,
  "efc": 0.5013043486636375,
  "fber": -1.0,
  "fwhm_avg": 4.406227151326655,
  "fwhm_x": 4.361241453979964,
  "fwhm_y": 4.43712,
  "fwhm_z": 4.42032,
  "icvs_csf": 0.24001582404039293,
  "icvs_gm": 0.4032325380042771,
  "icvs_wm": 0.35675163795532994,
  "inu_med": 0.5502672791481018,
  "inu_range": 0.2434125781059263,
  "provenance": {
    "md5sum": "7c49718118631fc86c16d82febd9ebbc",
    "settings": {
      "testing": false
    },
    "software": "mriqc",
    "version": "23.0.1",
    "warnings": {
      "large_rot_frame": true,
      "small_air_mask": false
    },
    "webapi_port": null,
    "webapi_url": "https://mriqc.nimh.nih.gov/api/v1"
  },
  "qi_1": 0.0,
  "qi_2": 0.0024742068317402657,
  "rpve_csf": 23.46007497848978,
  "rpve_gm": 13.847645746184938,
  "rpve_wm": 18.730408255966328,
  "size_x": 176,
  "size_y": 256,
  "size_z": 256,
  "snr_csf": 1.9175687488651738,
  "snr_gm": 9.798240766619253,
  "snr_total": 12.065435533146527,
  "snr_wm": 24.48049708395515,
  "snrd_csf": 11.883531991768,
  "snrd_gm": 44.992537562332615,
  "snrd_total": 40.46986334513225,
  "snrd_wm": 64.53352048129612,
  "spacing_x": 0.9999927878379822,
  "spacing_y": 1.0,
  "spacing_z": 1.0,
  "summary_bg_k": 9.73471283925513,
  "summary_bg_mad": 0.0,
  "summary_bg_mean": 7.417414402579189,
  "summary_bg_median": 0.0,
  "summary_bg_n": 3605326.0,
  "summary_bg_p05": 0.0,
  "summary_bg_p95": 26.748308457434177,
  "summary_bg_stdv": 10.152345100165045,
  "summary_csf_k": 1.4526869833978413,
  "summary_csf_mad": 78.49512337229548,
  "summary_csf_mean": 203.37182525623427,
  "summary_csf_median": 184.15358662605286,
  "summary_csf_n": 45371.0,
  "summary_csf_p05": 81.07361651211977,
  "summary_csf_p95": 399.0378030203283,
  "summary_csf_stdv": 96.03387482421485,
  "summary_gm_k": -0.02729609045754744,
  "summary_gm_mad": 71.84010204290522,
  "summary_gm_mean": 695.7608929124583,
  "summary_gm_median": 697.2284981645644,
  "summary_gm_n": 28564.0,
  "summary_gm_p05": 576.6378238823265,
  "summary_gm_p95": 811.0054897416383,
  "summary_gm_stdv": 71.1572934358885,
  "summary_wm_k": 0.5605420260531959,
  "summary_wm_mad": 38.36022550889571,
  "summary_wm_mean": 1000.8423938077833,
  "summary_wm_median": 1000.04605217278,
  "summary_wm_n": 195526.0,
  "summary_wm_p05": 935.3160664737225,
  "summary_wm_p95": 1069.2417623475194,
  "summary_wm_stdv": 40.850620451760314,
  "tpm_overlap_csf": 0.16510211487864507,
  "tpm_overlap_gm": 0.4525210708506673,
  "tpm_overlap_wm": 0.5150067040528158,
  "wm2max": 0.4356511100860392
}