{
  "bids_meta": {
    "AcquisitionMatrixPE": 256,
    "AcquisitionNumber": 1,
    "AcquisitionTime": "14:21:39.127500",
    "BaseResolution": 256,
    "BodyPartExamined": "BRAIN",
    "ConsistencyInfo": "N4_VD13D_LATEST_20130810",
    "ConversionSoftware": "dcm2niix",
    "ConversionSoftwareVersion": "v1.0.20180518 GCC4.8.5",
    "DeviceSerialNumber": "66018",
    "DwellTime": 9.8e-06,
    "EchoTime": 0.00219,
    "FlipAngle": 7,
    "ImageOrientationPatientDICOM": [
      0,
      1,
      0,
      0,
      0,
      -1
    ],
    "ImageType": [
      "ORIGINAL",
      "PRIMARY",
      "M",
      "ND",
      "NORM"
    ],
    "InPlanePhaseEncodingDirectionDICOM": "ROW",
    "InstitutionAddress": "Stadium_1952_Princeton_NJ_US_08544",
    "InstitutionName": "Princeton_University",
    "InstitutionalDepartmentName": "NeuroScience",
    "InversionTime": 1.2,
    "MRAcquisitionType": "3D",
    "MagneticFieldStrength": 3,
    "Manufacturer": "Siemens",
    "ManufacturersModelName": "Prisma",
    "Modality": "MR",
    "ParallelReductionFactorInPlane": 2,
    "PartialFourier": 1,
    "PatientPosition": "HFS",
    "PercentPhaseFOV": 100,
    "PhaseEncodingSteps": 255,
    "PhaseResolution": 1,
    "PixelBandwidth": 200,
    "ProcedureStepDescription": "Turk-Browne_projects",
    "ProtocolName": "MPRAGE_1.0mm_ipat",
    "PulseSequenceDetails": "%SiemensSeq%_tfl",
    "ReceiveCoilActiveElements": "HC1-7;NC1,2",
    "ReceiveCoilName": "HeadNeck_64",
    "ReconMatrixPE": 256,
    "RepetitionTime": 2.53,
    "SAR": 0.0505423,
    "ScanOptions": "IR",
    "ScanningSequence": "GR_IR",
    "SequenceName": "_tfl3d1_16ns",
    "SequenceVariant": "SK_SP_MP",
    "SeriesDescription": "MPRAGE_1.0mm_ipat",
    "SeriesNumber": 2,
    "ShimSetting": [
      756,
      486,
      2011,
      320,
      -79,
      -214,
      278,
      24
    ],
    "SliceThickness": 1,
    "SoftwareVersions": "syngo_MR_D13D",
    "StationName": "AWP66018",
    "TxRefAmp": 279.751,
    "dataset": "ds001545",
    "modality": "T1w",
    "subject_id": "29"
  },
  "cjv": 0.3558289485623319,
  "cnr": 3.324730404360438,
  "efc": 0.6008564131307604,
  "fber": 1175.652178199572,
  "fwhm_avg": 3.8997733333333335,
  "fwhm_x": 3.77154,
  "fwhm_y": 3.95079,
  "fwhm_z": 3.97699,
  "icvs_csf": 0.24207848804560728,
  "icvs_gm": 0.40291035946288345,
  "icvs_wm": 0.3550111524915093,
  "inu_med": 0.7152809500694275,
  "inu_range": 0.39835743904113763,
  "provenance": {
    "md5sum": "b1c05a7cb527c9cbc6cb6887179f6bde",
    "settings": {
      "testing": false
    },
    "software": "mriqc",
    "version": "23.0.1",
    "warnings": {
      "large_rot_frame": true,
      "small_air_mask": false
    },
    "webapi_port": null,
    "webapi_url": "https://mriqc.nimh.nih.gov/api/v1"
  },
  "qi_1": 0.0,
  "qi_2": 0.0007814904488668006,
  "rpve_csf": 18.83613292414336,
  "rpve_gm": 11.286157649379888,
  "rpve_wm": 15.204157589926146,
  "size_x": 176,
  "size_y": 256,
  "size_z": 256,
  "snr_csf": 2.090199859894594,
  "snr_gm": 10.013035802453327,
  "snr_total": 10.985028363485661,
  "snr_wm": 20.851849428109063,
  "snrd_csf": 4.339144086580915,
  "snrd_gm": 15.194248283144354,
  "snrd_total": 13.892056620306056,
  "snrd_wm": 22.1427774911929,
  "spacing_x": 1.0,
  "spacing_y": 1.0,
  "spacing_z": 1.0,
  "summary_bg_k": 3.7659663100117324,
  "summary_bg_mad": 29.58691251458139,
  "summary_bg_mean": 35.64682146858896,
  "summary_bg_median": 19.956069231033325,
  "summary_bg_n": 2945640.0,
  "summary_bg_p05": 0.0,
  "summary_bg_p95": 124.83058762550354,
  "summary_bg_stdv": 43.731901123731255,
  "summary_csf_k": 14.63593217325571,
  "summary_csf_mad": 74.5562479290154,
  "summary_csf_mean": 210.43508561701967,
  "summary_csf_median": 195.96205687522888,
  "summary_csf_n": 66223.0,
  "summary_csf_p05": 90.76038980484009,
  "summary_csf_p95": 389.2134532928467,
  "summary_csf_stdv": 93.7520765682255,
  "summary_gm_k": 0.22590547823407015,
  "summary_gm_mad": 66.76110118922522,
  "summary_gm_mean": 683.8913525727379,
  "summary_gm_median": 686.1943477392197,
  "summary_gm_n": 27790.0,
  "summary_gm_p05": 568.7713408470154,
  "summary_gm_p95": 792.9149193763733,
  "summary_gm_stdv": 68.52886727859676,
  "summary_wm_k": 0.6760392871566312,
  "summary_wm_mad": 44.90004522119143,
  "summary_wm_mean": 1001.5921982027926,
  "summary_wm_median": 1000.0000312328339,
  "summary_wm_n": 236761.0,
  "summary_wm_p05": 925.9709594249725,
  "summary_wm_p95": 1082.5817041397095,
  "summary_wm_stdv": 47.957277019668425,
  "tpm_overlap_csf": 0.1709751828235824,
  "tpm_overlap_gm": 0.44930971706396516,
  "tpm_overlap_wm": 0.5172483321554097,
  "wm2max": 0.3804655132559256
}