{
  "bids_meta": {
    "AcquisitionMatrixPE": 256,
    "AcquisitionNumber": 1,
    "AcquisitionTime": "14:08:34.920000",
    "BaseResolution": 256,
    "BodyPartExamined": "BRAIN",
    "ConsistencyInfo": "N4_VD13D_LATEST_20130810",
    "ConversionSoftware": "dcm2niix",
    "ConversionSoftwareVersion": "v1.0.20180518 GCC4.8.5",
    "DeviceSerialNumber": "66018",
    "DwellTime": 9.8e-06,
    "EchoTime": 0.00219,
    "FlipAngle": 7,
    "ImageOrientationPatientDICOM": [
      0,
      1,
      0,
      -0.00872651,
      0,
      -0.999962
    ],
    "ImageType": [
      "ORIGINAL",
      "PRIMARY",
      "M",
      "ND",
      "NORM"
    ],
    "InPlanePhaseEncodingDirectionDICOM": "ROW",
    "InstitutionAddress": "Stadium_1952_Princeton_NJ_US_08544",
    "InstitutionName": "Princeton_University",
    "InstitutionalDepartmentName": "NeuroScience",
    "InversionTime": 1.2,
    "MRAcquisitionType": "3D",
    "MagneticFieldStrength": 3,
    "Manufacturer": "Siemens",
    "ManufacturersModelName": "Prisma",
    "Modality": "MR",
    "ParallelReductionFactorInPlane": 2,
    "PartialFourier": 1,
    "PatientPosition": "HFS",
    "PercentPhaseFOV": 100,
    "PhaseEncodingSteps": 255,
    "PhaseResolution": 1,
    "PixelBandwidth": 200,
    "ProcedureStepDescription": "Turk-Browne_projects",
    "ProtocolName": "MPRAGE_1.0mm_ipat",
    "PulseSequenceDetails": "%SiemensSeq%_tfl",
    "ReceiveCoilActiveElements": "HC1-7;NC1,2",
    "ReceiveCoilName": "HeadNeck_64",
    "ReconMatrixPE": 256,
    "RepetitionTime": 2.53,
    "SAR": 0.0447126,
    "ScanOptions": "IR",
    "ScanningSequence": "GR_IR",
    "SequenceName": "_tfl3d1_16ns",
    "SequenceVariant": "SK_SP_MP",
    "SeriesDescription": "MPRAGE_1.0mm_ipat",
    "SeriesNumber": 2,
    "ShimSetting": [
      719,
      493,
      2012,
      262,
      -73,
      -141,
      342,
      77
    ],
    "SliceThickness": 1,
    "SoftwareVersions": "syngo_MR_D13D",
    "StationName": "AWP66018",
    "TxRefAmp": 267.254,
    "dataset": "ds001545",
    "modality": "T1w",
    "subject_id": "21"
  },
  "cjv": 0.3571711571280127,
  "cnr": 3.7043178438062383,
  "efc": 0.5629703472393653,
  "fber": 7365.051078276302,
  "fwhm_avg": 4.0388068202309,
  "fwhm_x": 3.864570460692699,
  "fwhm_y": 4.0384,
  "fwhm_z": 4.21345,
  "icvs_csf": 0.18733281793062834,
  "icvs_gm": 0.4339636457768608,
  "icvs_wm": 0.37870353629251086,
  "inu_med": 0.6336050629615784,
  "inu_range": 0.3823956698179245,
  "provenance": {
    "md5sum": "d70d7469f0a39d6a2ae839bd9aad1e45",
    "settings": {
      "testing": false
    },
    "software": "mriqc",
    "version": "23.0.1",
    "warnings": {
      "large_rot_frame": true,
      "small_air_mask": false
    },
    "webapi_port": null,
    "webapi_url": "https://mriqc.nimh.nih.gov/api/v1"
  },
  "qi_1": 0.0,
  "qi_2": 0.0017933022271664732,
  "rpve_csf": 22.352034315641365,
  "rpve_gm": 10.423395441329447,
  "rpve_wm": 13.945896218478174,
  "size_x": 176,
  "size_y": 256,
  "size_z": 256,
  "snr_csf": 1.693967274111872,
  "snr_gm": 10.25736574571509,
  "snr_total": 11.402203735486339,
  "snr_wm": 22.255278186632054,
  "snrd_csf": 11.003194782878332,
  "snrd_gm": 39.9574860386496,
  "snrd_total": 36.194692189990356,
  "snrd_wm": 57.623395748443144,
  "spacing_x": 0.9999998807907104,
  "spacing_y": 1.0,
  "spacing_z": 1.0,
  "summary_bg_k": 6.262855580604347,
  "summary_bg_mad": 11.369277802823332,
  "summary_bg_mean": 12.458269947958529,
  "summary_bg_median": 7.668461345136166,
  "summary_bg_n": 2943860.0,
  "summary_bg_p05": 0.0,
  "summary_bg_p95": 43.07391053438187,
  "summary_bg_stdv": 16.140631488566754,
  "summary_csf_k": 21.277978824867777,
  "summary_csf_mad": 73.37619007495908,
  "summary_csf_mean": 216.00185341510672,
  "summary_csf_median": 190.950126118958,
  "summary_csf_n": 37482.0,
  "summary_csf_p05": 87.01800107955933,
  "summary_csf_p95": 441.6707417294383,
  "summary_csf_stdv": 112.72211795102743,
  "summary_gm_k": -0.004311120081949227,
  "summary_gm_mad": 68.05440046512689,
  "summary_gm_mean": 692.9664709752303,
  "summary_gm_median": 693.4246961027384,
  "summary_gm_n": 35020.0,
  "summary_gm_p05": 579.809099130705,
  "summary_gm_p95": 802.5235149562359,
  "summary_gm_stdv": 67.60164478994203,
  "summary_wm_k": 0.9830595637902473,
  "summary_wm_mad": 41.4454524159659,
  "summary_wm_mean": 1001.3888448638445,
  "summary_wm_median": 999.9999911561608,
  "summary_wm_n": 258389.0,
  "summary_wm_p05": 930.7662940472364,
  "summary_wm_p95": 1076.19512835145,
  "summary_wm_stdv": 44.933073750031724,
  "tpm_overlap_csf": 0.1608534674182883,
  "tpm_overlap_gm": 0.4569436782467845,
  "tpm_overlap_wm": 0.5053048290736035,
  "wm2max": 0.36997464686707715
}