{
  "bids_meta": {
    "AcquisitionMatrixPE": 256,
    "AcquisitionNumber": 1,
    "AcquisitionTime": "11:15:44.530000",
    "BaseResolution": 256,
    "BodyPartExamined": "BRAIN",
    "ConsistencyInfo": "N4_VD13D_LATEST_20130810",
    "ConversionSoftware": "dcm2niix",
    "ConversionSoftwareVersion": "v1.0.20180518 GCC4.8.5",
    "DeviceSerialNumber": "66018",
    "DwellTime": 9.8e-06,
    "EchoTime": 0.00219,
    "FlipAngle": 7,
    "ImageOrientationPatientDICOM": [
      -0.0888944,
      0.996041,
      0,
      0,
      0,
      -1
    ],
    "ImageType": [
      "ORIGINAL",
      "PRIMARY",
      "M",
      "ND",
      "NORM"
    ],
    "InPlanePhaseEncodingDirectionDICOM": "ROW",
    "InstitutionAddress": "Stadium_1952_Princeton_NJ_US_08544",
    "InstitutionName": "Princeton_University",
    "InstitutionalDepartmentName": "NeuroScience",
    "InversionTime": 1.2,
    "MRAcquisitionType": "3D",
    "MagneticFieldStrength": 3,
    "Manufacturer": "Siemens",
    "ManufacturersModelName": "Prisma",
    "Modality": "MR",
    "ParallelReductionFactorInPlane": 2,
    "PartialFourier": 1,
    "PatientPosition": "HFS",
    "PercentPhaseFOV": 100,
    "PhaseEncodingSteps": 255,
    "PhaseResolution": 1,
    "PixelBandwidth": 200,
    "ProcedureStepDescription": "Turk-Browne_projects",
    "ProtocolName": "MPRAGE_1.0mm_ipat",
    "PulseSequenceDetails": "%SiemensSeq%_tfl",
    "ReceiveCoilActiveElements": "HC1-7;NC1,2",
    "ReceiveCoilName": "HeadNeck_64",
    "ReconMatrixPE": 256,
    "RepetitionTime": 2.53,
    "SAR": 0.0450014,
    "ScanOptions": "IR",
    "ScanningSequence": "GR_IR",
    "SequenceName": "_tfl3d1_16ns",
    "SequenceVariant": "SK_SP_MP",
    "SeriesDescription": "MPRAGE_1.0mm_ipat",
    "SeriesNumber": 2,
    "ShimSetting": [
      743,
      504,
      2005,
      261,
      -127,
      -152,
      253,
      79
    ],
    "SliceThickness": 1,
    "SoftwareVersions": "syngo_MR_D13D",
    "StationName": "AWP66018",
    "TxRefAmp": 246.068,
    "dataset": "ds001545",
    "modality": "T1w",
    "subject_id": "23"
  },
  "cjv": 0.33875051386695154,
  "cnr": 3.9124502794384295,
  "efc": 0.5483358401696345,
  "fber": 8964.25984724151,
  "fwhm_avg": 3.9993905426069376,
  "fwhm_x": 3.9014716278208135,
  "fwhm_y": 4.00441,
  "fwhm_z": 4.09229,
  "icvs_csf": 0.20720182916567995,
  "icvs_gm": 0.44152110544482953,
  "icvs_wm": 0.3512770653894905,
  "inu_med": 0.6186060905456543,
  "inu_range": 0.35073027610778795,
  "provenance": {
    "md5sum": "8e0f3127f26ad90c7ff5672627a193b1",
    "settings": {
      "testing": false
    },
    "software": "mriqc",
    "version": "23.0.1",
    "warnings": {
      "large_rot_frame": true,
      "small_air_mask": false
    },
    "webapi_port": null,
    "webapi_url": "https://mriqc.nimh.nih.gov/api/v1"
  },
  "qi_1": 0.0,
  "qi_2": 0.002944409353289504,
  "rpve_csf": 21.835322696679814,
  "rpve_gm": 10.978004041434854,
  "rpve_wm": 15.932231241668916,
  "size_x": 176,
  "size_y": 256,
  "size_z": 256,
  "snr_csf": 1.8834843241161703,
  "snr_gm": 10.528847619820965,
  "snr_total": 12.376697836794554,
  "snr_wm": 24.717761566446523,
  "snrd_csf": 11.844983730209542,
  "snrd_gm": 40.89562065539837,
  "snrd_total": 37.24608967734191,
  "snrd_wm": 58.99766464641781,
  "spacing_x": 0.9999995827674866,
  "spacing_y": 1.0,
  "spacing_z": 1.0,
  "summary_bg_k": 2.174681583104914,
  "summary_bg_mad": 11.104446547342201,
  "summary_bg_mean": 12.13968855248657,
  "summary_bg_median": 7.489835377782583,
  "summary_bg_n": 3491269.0,
  "summary_bg_p05": 0.0,
  "summary_bg_p95": 37.791569363325834,
  "summary_bg_stdv": 13.387324012316057,
  "summary_csf_k": 4.0571660543158625,
  "summary_csf_mad": 81.91908852925017,
  "summary_csf_mean": 224.46508933068958,
  "summary_csf_median": 200.77038718387485,
  "summary_csf_n": 36526.0,
  "summary_csf_p05": 93.19495162926614,
  "summary_csf_p95": 440.83031080663204,
  "summary_csf_stdv": 106.59374026789769,
  "summary_gm_k": 0.05586121605766703,
  "summary_gm_mad": 65.73832356026583,
  "summary_gm_mean": 692.1865171855,
  "summary_gm_median": 693.1735644489527,
  "summary_gm_n": 38519.0,
  "summary_gm_p05": 581.4594598598778,
  "summary_gm_p95": 797.5176710262895,
  "summary_gm_stdv": 65.83479898332271,
  "summary_wm_k": 0.580307195608317,
  "summary_wm_mad": 38.19929612285717,
  "summary_wm_mean": 1000.5050511456728,
  "summary_wm_median": 1000.0000205822289,
  "summary_wm_n": 226384.0,
  "summary_wm_p05": 935.1166466809809,
  "summary_wm_p95": 1067.322940863669,
  "summary_wm_stdv": 40.45664933108477,
  "tpm_overlap_csf": 0.1668164559472091,
  "tpm_overlap_gm": 0.456602134272034,
  "tpm_overlap_wm": 0.5028646688543759,
  "wm2max": 0.46055743909169755
}