{
  "bids_meta": {
    "AcquisitionMatrixPE": 256,
    "AcquisitionNumber": 1,
    "AcquisitionTime": "15:24:34.397500",
    "BaseResolution": 256,
    "BodyPartExamined": "BRAIN",
    "ConsistencyInfo": "N4_VD13D_LATEST_20130810",
    "ConversionSoftware": "dcm2niix",
    "ConversionSoftwareVersion": "v1.0.20180518 GCC4.8.5",
    "DeviceSerialNumber": "66018",
    "DwellTime": 9.8e-06,
    "EchoTime": 0.00267,
    "FlipAngle": 7,
    "ImageOrientationPatientDICOM": [
      0.120137,
      0.992757,
      0,
      0,
      0,
      -1
    ],
    "ImageType": [
      "ORIGINAL",
      "PRIMARY",
      "M",
      "ND",
      "NORM"
    ],
    "InPlanePhaseEncodingDirectionDICOM": "ROW",
    "InstitutionAddress": "Stadium_1952_Princeton_NJ_US_08544",
    "InstitutionName": "Princeton_University",
    "InstitutionalDepartmentName": "NeuroScience",
    "InversionTime": 1.2,
    "MRAcquisitionType": "3D",
    "MagneticFieldStrength": 3,
    "Manufacturer": "Siemens",
    "ManufacturersModelName": "Prisma",
    "Modality": "MR",
    "ParallelReductionFactorInPlane": 2,
    "PartialFourier": 1,
    "PatientPosition": "HFS",
    "PercentPhaseFOV": 100,
    "PhaseEncodingSteps": 255,
    "PhaseResolution": 1,
    "PixelBandwidth": 200,
    "ProcedureStepDescription": "Turk-Browne_projects",
    "ProtocolName": "MPRAGE_1.0mm_ipat",
    "PulseSequenceDetails": "%SiemensSeq%_tfl",
    "ReceiveCoilActiveElements": "HC1-7;NC1,2",
    "ReceiveCoilName": "HeadNeck_64",
    "ReconMatrixPE": 256,
    "RepetitionTime": 2.53,
    "SAR": 0.0310599,
    "ScanOptions": "IR",
    "ScanningSequence": "GR_IR",
    "SequenceName": "_tfl3d1_16",
    "SequenceVariant": "SK_SP_MP",
    "SeriesDescription": "MPRAGE_1.0mm_ipat",
    "SeriesNumber": 2,
    "ShimSetting": [
      750,
      551,
      1946,
      386,
      -94,
      -292,
      125,
      7
    ],
    "SliceThickness": 1,
    "SoftwareVersions": "syngo_MR_D13D",
    "StationName": "AWP66018",
    "TxRefAmp": 217.574,
    "dataset": "ds001545",
    "modality": "T1w",
    "subject_id": "13"
  },
  "cjv": 0.34638341599888156,
  "cnr": 3.860050681018174,
  "efc": 0.5345634072943232,
  "fber": 8577.149843912592,
  "fwhm_avg": 4.257627428970166,
  "fwhm_x": 4.313472286910498,
  "fwhm_y": 4.1169,
  "fwhm_z": 4.34251,
  "icvs_csf": 0.20701078927340288,
  "icvs_gm": 0.43868953806146,
  "icvs_wm": 0.3542996726651371,
  "inu_med": 0.6092690229415894,
  "inu_range": 0.33221367597579954,
  "provenance": {
    "md5sum": "75dfd431ec7295f012e851d0904a1a0c",
    "settings": {
      "testing": false
    },
    "software": "mriqc",
    "version": "23.0.1",
    "warnings": {
      "large_rot_frame": true,
      "small_air_mask": false
    },
    "webapi_port": null,
    "webapi_url": "https://mriqc.nimh.nih.gov/api/v1"
  },
  "qi_1": 0.0,
  "qi_2": 0.0023425783214124102,
  "rpve_csf": 24.723001066443302,
  "rpve_gm": 12.333770351718469,
  "rpve_wm": 17.59034261215665,
  "size_x": 176,
  "size_y": 256,
  "size_z": 256,
  "snr_csf": 1.6484574705003752,
  "snr_gm": 10.175116265237902,
  "snr_total": 11.261566443304583,
  "snr_wm": 21.961125594175474,
  "snrd_csf": 10.779340686930318,
  "snrd_gm": 44.77572285340286,
  "snrd_total": 40.404549011624596,
  "snrd_wm": 65.6585834945406,
  "spacing_x": 1.0000017881393433,
  "spacing_y": 1.0,
  "spacing_z": 1.0,
  "summary_bg_k": 18.71863990247215,
  "summary_bg_mad": 9.977924203900868,
  "summary_bg_mean": 11.270778053780075,
  "summary_bg_median": 6.730007603764534,
  "summary_bg_n": 3395627.0,
  "summary_bg_p05": 0.0,
  "summary_bg_p95": 38.75692614167929,
  "summary_bg_stdv": 14.964424914311431,
  "summary_csf_k": 4.122971841962357,
  "summary_csf_mad": 81.1146544105353,
  "summary_csf_mean": 187.0170934819021,
  "summary_csf_median": 164.17259725183249,
  "summary_csf_n": 35595.0,
  "summary_csf_p05": 69.87331423908472,
  "summary_csf_p95": 388.51938013732433,
  "summary_csf_stdv": 99.59024970599002,
  "summary_gm_k": -0.02282759410070412,
  "summary_gm_mad": 67.7324972429506,
  "summary_gm_mean": 680.3021862932919,
  "summary_gm_median": 681.947711661458,
  "summary_gm_n": 40350.0,
  "summary_gm_p05": 567.814700357616,
  "summary_gm_p95": 787.8463607206941,
  "summary_gm_stdv": 67.02029180084334,
  "summary_wm_k": 0.6357596655905846,
  "summary_wm_mad": 42.43552470247251,
  "summary_wm_mean": 1000.950205911683,
  "summary_wm_median": 999.9999533593655,
  "summary_wm_n": 198486.0,
  "summary_wm_p05": 928.1868133991957,
  "summary_wm_p95": 1077.0783345624804,
  "summary_wm_stdv": 45.534889821502325,
  "tpm_overlap_csf": 0.15763512883229802,
  "tpm_overlap_gm": 0.467615109216595,
  "tpm_overlap_wm": 0.5170340821273347,
  "wm2max": 0.4968235548649765
}