{
  "bids_meta": {
    "AcquisitionMatrixPE": 256,
    "AcquisitionNumber": 1,
    "AcquisitionTime": "12:17:49.922500",
    "BaseResolution": 256,
    "BodyPartExamined": "BRAIN",
    "ConsistencyInfo": "N4_VD13D_LATEST_20130810",
    "ConversionSoftware": "dcm2niix",
    "ConversionSoftwareVersion": "v1.0.20180518 GCC4.8.5",
    "DeviceSerialNumber": "66018",
    "DwellTime": 9.8e-06,
    "EchoTime": 0.00219,
    "FlipAngle": 7,
    "ImageOrientationPatientDICOM": [
      0,
      1,
      0,
      0,
      0,
      -1
    ],
    "ImageType": [
      "ORIGINAL",
      "PRIMARY",
      "M",
      "ND",
      "NORM"
    ],
    "InPlanePhaseEncodingDirectionDICOM": "ROW",
    "InstitutionAddress": "Stadium_1952_Princeton_NJ_US_08544",
    "InstitutionName": "Princeton_University",
    "InstitutionalDepartmentName": "NeuroScience",
    "InversionTime": 1.2,
    "MRAcquisitionType": "3D",
    "MagneticFieldStrength": 3,
    "Manufacturer": "Siemens",
    "ManufacturersModelName": "Prisma",
    "Modality": "MR",
    "ParallelReductionFactorInPlane": 2,
    "PartialFourier": 1,
    "PatientPosition": "HFS",
    "PercentPhaseFOV": 100,
    "PhaseEncodingSteps": 255,
    "PhaseResolution": 1,
    "PixelBandwidth": 200,
    "ProcedureStepDescription": "Turk-Browne_projects",
    "ProtocolName": "MPRAGE_1.0mm_ipat",
    "PulseSequenceDetails": "%SiemensSeq%_tfl",
    "ReceiveCoilActiveElements": "HC1-7;NC1,2",
    "ReceiveCoilName": "HeadNeck_64",
    "ReconMatrixPE": 256,
    "RepetitionTime": 2.53,
    "SAR": 0.0364332,
    "ScanOptions": "IR",
    "ScanningSequence": "GR_IR",
    "SequenceName": "_tfl3d1_16ns",
    "SequenceVariant": "SK_SP_MP",
    "SeriesDescription": "MPRAGE_1.0mm_ipat",
    "SeriesNumber": 2,
    "ShimSetting": [
      774,
      501,
      2032,
      299,
      -83,
      -188,
      344,
      27
    ],
    "SliceThickness": 1,
    "SoftwareVersions": "syngo_MR_D13D",
    "StationName": "AWP66018",
    "TxRefAmp": 232.191,
    "dataset": "ds001545",
    "modality": "T1w",
    "subject_id": "25"
  },
  "cjv": 0.32379765402550775,
  "cnr": 3.9006118466793875,
  "efc": 0.5262938047467874,
  "fber": 4292.052941671577,
  "fwhm_avg": 4.0851766666666665,
  "fwhm_x": 4.03687,
  "fwhm_y": 4.08918,
  "fwhm_z": 4.12948,
  "icvs_csf": 0.18040279729219114,
  "icvs_gm": 0.46433623930363793,
  "icvs_wm": 0.3552609634041709,
  "inu_med": 0.6005131602287292,
  "inu_range": 0.328582814335823,
  "provenance": {
    "md5sum": "0812f45ed2fc42f36f2ed2f8a4043252",
    "settings": {
      "testing": false
    },
    "software": "mriqc",
    "version": "23.0.1",
    "warnings": {
      "large_rot_frame": true,
      "small_air_mask": false
    },
    "webapi_port": null,
    "webapi_url": "https://mriqc.nimh.nih.gov/api/v1"
  },
  "qi_1": 0.0,
  "qi_2": 0.0011486377654446945,
  "rpve_csf": 26.817688106725093,
  "rpve_gm": 11.55913546765983,
  "rpve_wm": 16.866784420543386,
  "size_x": 176,
  "size_y": 256,
  "size_z": 256,
  "snr_csf": 1.623360287886415,
  "snr_gm": 11.117162390606776,
  "snr_total": 11.83931320751887,
  "snr_wm": 22.777416944063425,
  "snrd_csf": 6.84472873151917,
  "snrd_gm": 24.43362360935113,
  "snrd_total": 22.263705919160206,
  "snrd_wm": 35.51276541661032,
  "spacing_x": 1.0,
  "spacing_y": 1.0,
  "spacing_z": 1.0,
  "summary_bg_k": 3.7812415635923236,
  "summary_bg_mad": 18.44791250476256,
  "summary_bg_mean": 20.91697298368014,
  "summary_bg_median": 12.442927896976471,
  "summary_bg_n": 3498901.0,
  "summary_bg_p05": 0.0,
  "summary_bg_p95": 71.79770088940859,
  "summary_bg_stdv": 25.287300500743946,
  "summary_csf_k": 1.3241417536524756,
  "summary_csf_mad": 100.31052424464642,
  "summary_csf_mean": 218.54799223391834,
  "summary_csf_median": 192.73994966223836,
  "summary_csf_n": 24388.0,
  "summary_csf_p05": 70.19216180592775,
  "summary_csf_p95": 459.5680020626633,
  "summary_csf_stdv": 118.72656952829627,
  "summary_gm_k": 0.10681512925393344,
  "summary_gm_mad": 60.773969824157305,
  "summary_gm_mean": 687.0631993751581,
  "summary_gm_median": 688.0236703678966,
  "summary_gm_n": 48188.0,
  "summary_gm_p05": 584.1151878088713,
  "summary_gm_p95": 787.3162280619144,
  "summary_gm_stdv": 61.887782799669154,
  "summary_wm_k": 0.7687744015287121,
  "summary_wm_mad": 40.24322848821188,
  "summary_wm_mean": 1000.1106266820645,
  "summary_wm_median": 999.9999835267663,
  "summary_wm_n": 203987.0,
  "summary_wm_p05": 928.352801926434,
  "summary_wm_p95": 1072.3495884761214,
  "summary_wm_stdv": 43.90302617908763,
  "tpm_overlap_csf": 0.1460939714894236,
  "tpm_overlap_gm": 0.4756220518101657,
  "tpm_overlap_wm": 0.5018156570292673,
  "wm2max": 0.385492701391677
}