{
  "bids_meta": {
    "AcquisitionMatrixPE": 256,
    "AcquisitionNumber": 1,
    "AcquisitionTime": "10:16:22.707500",
    "BaseResolution": 256,
    "BodyPartExamined": "BRAIN",
    "ConsistencyInfo": "N4_VD13D_LATEST_20130810",
    "ConversionSoftware": "dcm2niix",
    "ConversionSoftwareVersion": "v1.0.20180518 GCC4.8.5",
    "DeviceSerialNumber": "66018",
    "DwellTime": 9.8e-06,
    "EchoTime": 0.00219,
    "FlipAngle": 7,
    "ImageOrientationPatientDICOM": [
      0,
      1,
      0,
      0,
      0,
      -1
    ],
    "ImageType": [
      "ORIGINAL",
      "PRIMARY",
      "M",
      "ND",
      "NORM"
    ],
    "InPlanePhaseEncodingDirectionDICOM": "ROW",
    "InstitutionAddress": "Stadium_1952_Princeton_NJ_US_08544",
    "InstitutionName": "Princeton_University",
    "InstitutionalDepartmentName": "NeuroScience",
    "InversionTime": 1.2,
    "MRAcquisitionType": "3D",
    "MagneticFieldStrength": 3,
    "Manufacturer": "Siemens",
    "ManufacturersModelName": "Prisma",
    "Modality": "MR",
    "ParallelReductionFactorInPlane": 2,
    "PartialFourier": 1,
    "PatientPosition": "HFS",
    "PercentPhaseFOV": 100,
    "PhaseEncodingSteps": 255,
    "PhaseResolution": 1,
    "PixelBandwidth": 200,
    "ProcedureStepDescription": "Turk-Browne_projects",
    "ProtocolName": "MPRAGE_1.0mm_ipat",
    "PulseSequenceDetails": "%SiemensSeq%_tfl",
    "ReceiveCoilActiveElements": "HC1-7;NC1,2",
    "ReceiveCoilName": "HeadNeck_64",
    "ReconMatrixPE": 256,
    "RepetitionTime": 2.53,
    "SAR": 0.0369111,
    "ScanOptions": "IR",
    "ScanningSequence": "GR_IR",
    "SequenceName": "_tfl3d1_16ns",
    "SequenceVariant": "SK_SP_MP",
    "SeriesDescription": "MPRAGE_1.0mm_ipat",
    "SeriesNumber": 2,
    "ShimSetting": [
      761,
      522,
      2029,
      302,
      -99,
      -314,
      281,
      44
    ],
    "SliceThickness": 1,
    "SoftwareVersions": "syngo_MR_D13D",
    "StationName": "AWP66018",
    "TxRefAmp": 241.703,
    "dataset": "ds001545",
    "modality": "T1w",
    "subject_id": "30"
  },
  "cjv": 0.3356387347049185,
  "cnr": 4.001251880139241,
  "efc": 0.49519790100441363,
  "fber": 16720.84099173554,
  "fwhm_avg": 4.198573333333333,
  "fwhm_x": 4.00372,
  "fwhm_y": 4.25463,
  "fwhm_z": 4.33737,
  "icvs_csf": 0.19178863585535613,
  "icvs_gm": 0.45492210714439957,
  "icvs_wm": 0.3532892570002443,
  "inu_med": 0.5627023279666901,
  "inu_range": 0.32315933555364595,
  "provenance": {
    "md5sum": "78fd0a36bfad7edb25fd49acf7e84f15",
    "settings": {
      "testing": false
    },
    "software": "mriqc",
    "version": "23.0.1",
    "warnings": {
      "large_rot_frame": true,
      "small_air_mask": false
    },
    "webapi_port": null,
    "webapi_url": "https://mriqc.nimh.nih.gov/api/v1"
  },
  "qi_1": 3.3387737050074514e-05,
  "qi_2": 0.0018474078697967348,
  "rpve_csf": 26.612219158864395,
  "rpve_gm": 12.139598024259364,
  "rpve_wm": 17.6684810187106,
  "size_x": 176,
  "size_y": 256,
  "size_z": 256,
  "snr_csf": 1.7352151999384384,
  "snr_gm": 10.624384800446547,
  "snr_total": 12.120347896466528,
  "snr_wm": 24.0014436890146,
  "snrd_csf": 18.104805020982237,
  "snrd_gm": 56.80052195679509,
  "snrd_total": 52.5000801315557,
  "snrd_wm": 82.59491341688977,
  "spacing_x": 1.0,
  "spacing_y": 1.0,
  "spacing_z": 1.0,
  "summary_bg_k": 40.12262398593488,
  "summary_bg_mad": 7.931921987199817,
  "summary_bg_mean": 8.606887672762165,
  "summary_bg_median": 5.350000079721212,
  "summary_bg_n": 4121026.0,
  "summary_bg_p05": 0.0,
  "summary_bg_p95": 30.100000448524952,
  "summary_bg_stdv": 12.897162242216437,
  "summary_csf_k": -0.01661272050820095,
  "summary_csf_mad": 124.09380753806069,
  "summary_csf_mean": 247.2923813407966,
  "summary_csf_median": 219.20000326633453,
  "summary_csf_n": 27157.0,
  "summary_csf_p05": 77.04000114798546,
  "summary_csf_p95": 470.2600070074199,
  "summary_csf_stdv": 126.32206509314868,
  "summary_gm_k": -0.06813392932323925,
  "summary_gm_mad": 65.38275881037606,
  "summary_gm_mean": 687.0572179820044,
  "summary_gm_median": 687.7000102475286,
  "summary_gm_n": 37758.0,
  "summary_gm_p05": 579.7000086382031,
  "summary_gm_p95": 792.8000118136406,
  "summary_gm_stdv": 64.72759754323022,
  "summary_wm_k": 0.5110507629446062,
  "summary_wm_mad": 39.43721959990937,
  "summary_wm_mean": 1000.7463746994434,
  "summary_wm_median": 1000.0000149011612,
  "summary_wm_n": 194137.0,
  "summary_wm_p05": 933.7500139139593,
  "summary_wm_p95": 1070.1500159464777,
  "summary_wm_stdv": 41.664053727513746,
  "tpm_overlap_csf": 0.1384855675887557,
  "tpm_overlap_gm": 0.4736226384356972,
  "tpm_overlap_wm": 0.49814952717193467,
  "wm2max": 0.3977329223426469
}