{
  "bids_meta": {
    "AcquisitionMatrixPE": 256,
    "AcquisitionNumber": 1,
    "AcquisitionTime": "14:29:5.482500",
    "BaseResolution": 256,
    "BodyPartExamined": "BRAIN",
    "ConsistencyInfo": "N4_VD13D_LATEST_20130810",
    "ConversionSoftware": "dcm2niix",
    "ConversionSoftwareVersion": "v1.0.20180518 GCC4.8.5",
    "DeviceSerialNumber": "66018",
    "DwellTime": 9.8e-06,
    "EchoTime": 0.00219,
    "FlipAngle": 7,
    "ImageOrientationPatientDICOM": [
      0,
      1,
      0,
      0,
      0,
      -1
    ],
    "ImageType": [
      "ORIGINAL",
      "PRIMARY",
      "M",
      "ND",
      "NORM"
    ],
    "InPlanePhaseEncodingDirectionDICOM": "ROW",
    "InstitutionAddress": "Stadium_1952_Princeton_NJ_US_08544",
    "InstitutionName": "Princeton_University",
    "InstitutionalDepartmentName": "NeuroScience",
    "InversionTime": 1.2,
    "MRAcquisitionType": "3D",
    "MagneticFieldStrength": 3,
    "Manufacturer": "Siemens",
    "ManufacturersModelName": "Prisma",
    "Modality": "MR",
    "ParallelReductionFactorInPlane": 2,
    "PartialFourier": 1,
    "PatientPosition": "HFS",
    "PercentPhaseFOV": 100,
    "PhaseEncodingSteps": 255,
    "PhaseResolution": 1,
    "PixelBandwidth": 200,
    "ProcedureStepDescription": "Turk-Browne_projects",
    "ProtocolName": "MPRAGE_1.0mm_ipat",
    "PulseSequenceDetails": "%SiemensSeq%_tfl",
    "ReceiveCoilActiveElements": "HC1-7;NC1,2",
    "ReceiveCoilName": "HeadNeck_64",
    "ReconMatrixPE": 256,
    "RepetitionTime": 2.53,
    "SAR": 0.0413349,
    "ScanOptions": "IR",
    "ScanningSequence": "GR_IR",
    "SequenceName": "_tfl3d1_16ns",
    "SequenceVariant": "SK_SP_MP",
    "SeriesDescription": "MPRAGE_1.0mm_ipat",
    "SeriesNumber": 2,
    "ShimSetting": [
      744,
      488,
      1994,
      287,
      -94,
      -37,
      359,
      23
    ],
    "SliceThickness": 1,
    "SoftwareVersions": "syngo_MR_D13D",
    "StationName": "AWP66018",
    "TxRefAmp": 270.985,
    "dataset": "ds001545",
    "modality": "T1w",
    "subject_id": "16"
  },
  "cjv": 0.35064234833740215,
  "cnr": 3.798465716636873,
  "efc": 0.5812624739653532,
  "fber": 5929.793841003295,
  "fwhm_avg": 4.01268,
  "fwhm_x": 3.8461,
  "fwhm_y": 4.04573,
  "fwhm_z": 4.14621,
  "icvs_csf": 0.1911721184590897,
  "icvs_gm": 0.4470754319407301,
  "icvs_wm": 0.3617524496001802,
  "inu_med": 0.6565292179584503,
  "inu_range": 0.3794990986585617,
  "provenance": {
    "md5sum": "b9dc65b197f98c3ce12f6b53d221cd66",
    "settings": {
      "testing": false
    },
    "software": "mriqc",
    "version": "23.0.1",
    "warnings": {
      "large_rot_frame": true,
      "small_air_mask": false
    },
    "webapi_port": null,
    "webapi_url": "https://mriqc.nimh.nih.gov/api/v1"
  },
  "qi_1": 4.459590535262354e-05,
  "qi_2": 0.0025787170812202843,
  "rpve_csf": 21.77367472930925,
  "rpve_gm": 10.13686874873153,
  "rpve_wm": 14.45526969380984,
  "size_x": 176,
  "size_y": 256,
  "size_z": 256,
  "snr_csf": 1.9139036892852037,
  "snr_gm": 10.391851592142583,
  "snr_total": 11.593401551058546,
  "snr_wm": 22.474449371747852,
  "snrd_csf": 10.83943799861221,
  "snrd_gm": 37.544065209338555,
  "snrd_total": 34.2476906051437,
  "snrd_wm": 54.35956860748034,
  "spacing_x": 1.0,
  "spacing_y": 1.0,
  "spacing_z": 1.0,
  "summary_bg_k": 11.836089108845828,
  "summary_bg_mad": 12.052496152996632,
  "summary_bg_mean": 12.665912321943017,
  "summary_bg_median": 8.129285119473934,
  "summary_bg_n": 2466100.0,
  "summary_bg_p05": 0.0,
  "summary_bg_p95": 42.65426107868552,
  "summary_bg_stdv": 15.337967958172758,
  "summary_csf_k": 21.32198529460718,
  "summary_csf_mad": 70.64505275220316,
  "summary_csf_mean": 217.81329226044127,
  "summary_csf_median": 199.4123434126377,
  "summary_csf_n": 33373.0,
  "summary_csf_p05": 95.29872796684504,
  "summary_csf_p95": 414.92654795348625,
  "summary_csf_stdv": 104.18985912235722,
  "summary_gm_k": 0.015900604182808475,
  "summary_gm_mad": 66.72436123255365,
  "summary_gm_mean": 690.2605237621195,
  "summary_gm_median": 690.6954055726528,
  "summary_gm_n": 45801.0,
  "summary_gm_p05": 580.7541700713336,
  "summary_gm_p95": 797.8942316360772,
  "summary_gm_stdv": 66.46436962932674,
  "summary_wm_k": 0.680362272591843,
  "summary_wm_mad": 41.74810414441605,
  "summary_wm_mean": 1000.718985762067,
  "summary_wm_median": 1000.0489844866097,
  "summary_wm_n": 231494.0,
  "summary_wm_p05": 929.5788562521338,
  "summary_wm_p95": 1074.681698475033,
  "summary_wm_stdv": 44.49705565433875,
  "tpm_overlap_csf": 0.16896387074331257,
  "tpm_overlap_gm": 0.46990143098022946,
  "tpm_overlap_wm": 0.508058769081108,
  "wm2max": 0.387019138173128
}