{
  "bids_meta": {
    "AcquisitionMatrixPE": 256,
    "AcquisitionNumber": 1,
    "AcquisitionTime": "10:05:14.830000",
    "BaseResolution": 256,
    "BodyPartExamined": "BRAIN",
    "ConsistencyInfo": "N4_VD13D_LATEST_20130810",
    "ConversionSoftware": "dcm2niix",
    "ConversionSoftwareVersion": "v1.0.20180518 GCC4.8.5",
    "DeviceSerialNumber": "66018",
    "DwellTime": 9.8e-06,
    "EchoTime": 0.00219,
    "FlipAngle": 7,
    "ImageOrientationPatientDICOM": [
      -0.0140053,
      0.999902,
      -4.18799e-08,
      0.0784438,
      0.00109869,
      -0.996918
    ],
    "ImageType": [
      "ORIGINAL",
      "PRIMARY",
      "M",
      "ND",
      "NORM"
    ],
    "InPlanePhaseEncodingDirectionDICOM": "ROW",
    "InstitutionAddress": "Stadium_1952_Princeton_NJ_US_08544",
    "InstitutionName": "Princeton_University",
    "InstitutionalDepartmentName": "NeuroScience",
    "InversionTime": 1.2,
    "MRAcquisitionType": "3D",
    "MagneticFieldStrength": 3,
    "Manufacturer": "Siemens",
    "ManufacturersModelName": "Prisma",
    "Modality": "MR",
    "ParallelReductionFactorInPlane": 2,
    "PartialFourier": 1,
    "PatientPosition": "HFS",
    "PercentPhaseFOV": 100,
    "PhaseEncodingSteps": 255,
    "PhaseResolution": 1,
    "PixelBandwidth": 200,
    "ProcedureStepDescription": "Turk-Browne_projects",
    "ProtocolName": "MPRAGE_1.0mm_ipat",
    "PulseSequenceDetails": "%SiemensSeq%_tfl",
    "ReceiveCoilActiveElements": "HC1-7;NC1",
    "ReceiveCoilName": "HeadNeck_64",
    "ReconMatrixPE": 256,
    "RepetitionTime": 2.53,
    "SAR": 0.037121,
    "ScanOptions": "IR",
    "ScanningSequence": "GR_IR",
    "SequenceName": "_tfl3d1_16ns",
    "SequenceVariant": "SK_SP_MP",
    "SeriesDescription": "MPRAGE_1.0mm_ipat",
    "SeriesNumber": 2,
    "ShimSetting": [
      760,
      509,
      1999,
      379,
      -121,
      -277,
      94,
      -33
    ],
    "SliceThickness": 1,
    "SoftwareVersions": "syngo_MR_D13D",
    "StationName": "AWP66018",
    "TxRefAmp": 229.005,
    "dataset": "ds001545",
    "modality": "T1w",
    "subject_id": "24"
  },
  "cjv": 0.3229478585526512,
  "cnr": 4.167073572853552,
  "efc": 0.5189713653332622,
  "fber": 13434.563166443046,
  "fwhm_avg": 4.189482076157048,
  "fwhm_x": 4.1798562284711425,
  "fwhm_y": 4.04179,
  "fwhm_z": 4.3468,
  "icvs_csf": 0.21920509188465323,
  "icvs_gm": 0.4437244430685478,
  "icvs_wm": 0.337070465046799,
  "inu_med": 0.6248151361942291,
  "inu_range": 0.32447714507579795,
  "provenance": {
    "md5sum": "b23d39ac327f803ff7370adcfba419cd",
    "settings": {
      "testing": false
    },
    "software": "mriqc",
    "version": "23.0.1",
    "warnings": {
      "large_rot_frame": true,
      "small_air_mask": false
    },
    "webapi_port": null,
    "webapi_url": "https://mriqc.nimh.nih.gov/api/v1"
  },
  "qi_1": 0.0,
  "qi_2": 0.0029260575431912825,
  "rpve_csf": 24.116755200484903,
  "rpve_gm": 12.314602414226584,
  "rpve_wm": 18.206561243089226,
  "size_x": 176,
  "size_y": 256,
  "size_z": 256,
  "snr_csf": 1.9404712498767829,
  "snr_gm": 11.302175824264461,
  "snr_total": 12.515041723645174,
  "snr_wm": 24.302478096794275,
  "snrd_csf": 14.695643138337667,
  "snrd_gm": 55.2110245244195,
  "snrd_total": 49.969240640868996,
  "snrd_wm": 80.00105425984981,
  "spacing_x": 0.9999985098838806,
  "spacing_y": 1.0,
  "spacing_z": 1.0,
  "summary_bg_k": 3.421503713207711,
  "summary_bg_mad": 8.189512140358845,
  "summary_bg_mean": 8.044356600158862,
  "summary_bg_median": 5.523741997778416,
  "summary_bg_n": 3551760.0,
  "summary_bg_p05": 0.0,
  "summary_bg_p95": 28.530887566506863,
  "summary_bg_stdv": 10.39828460258143,
  "summary_csf_k": 6.001912277757937,
  "summary_csf_mad": 71.75214765176786,
  "summary_csf_mean": 202.56973984006927,
  "summary_csf_median": 183.7024288251996,
  "summary_csf_n": 50767.0,
  "summary_csf_p05": 85.33928003907204,
  "summary_csf_p95": 400.49663310498,
  "summary_csf_stdv": 94.66804496993676,
  "summary_gm_k": -0.024530844965327425,
  "summary_gm_mad": 61.30864134433777,
  "summary_gm_mean": 690.3617953783569,
  "summary_gm_median": 690.1636905297637,
  "summary_gm_n": 37325.0,
  "summary_gm_p05": 590.2295692488551,
  "summary_gm_p95": 790.8579597920179,
  "summary_gm_stdv": 61.063856718522736,
  "summary_wm_k": 0.5920861265081121,
  "summary_wm_mad": 38.768699673625356,
  "summary_wm_mean": 999.6807466661357,
  "summary_wm_median": 1000.0506842583418,
  "summary_wm_n": 185620.0,
  "summary_wm_p05": 931.4346598088741,
  "summary_wm_p95": 1066.487617827952,
  "summary_wm_stdv": 41.15004183770263,
  "tpm_overlap_csf": 0.17203065519084113,
  "tpm_overlap_gm": 0.47255206792398463,
  "tpm_overlap_wm": 0.5056139122049568,
  "wm2max": 0.40530994226271866
}