{
  "bids_meta": {
    "AcquisitionMatrixPE": 256,
    "AcquisitionNumber": 1,
    "AcquisitionTime": "11:11:26.322500",
    "BaseResolution": 256,
    "BodyPartExamined": "BRAIN",
    "ConsistencyInfo": "N4_VD13D_LATEST_20130810",
    "ConversionSoftware": "dcm2niix",
    "ConversionSoftwareVersion": "v1.0.20180518 GCC4.8.5",
    "DeviceSerialNumber": "66018",
    "DwellTime": 9.8e-06,
    "EchoTime": 0.00219,
    "FlipAngle": 7,
    "ImageOrientationPatientDICOM": [
      -0.144356,
      0.989526,
      0,
      0,
      0,
      -1
    ],
    "ImageType": [
      "ORIGINAL",
      "PRIMARY",
      "M",
      "ND",
      "NORM"
    ],
    "InPlanePhaseEncodingDirectionDICOM": "ROW",
    "InstitutionAddress": "Stadium_1952_Princeton_NJ_US_08544",
    "InstitutionName": "Princeton_University",
    "InstitutionalDepartmentName": "NeuroScience",
    "InversionTime": 1.2,
    "MRAcquisitionType": "3D",
    "MagneticFieldStrength": 3,
    "Manufacturer": "Siemens",
    "ManufacturersModelName": "Prisma",
    "Modality": "MR",
    "ParallelReductionFactorInPlane": 2,
    "PartialFourier": 1,
    "PatientPosition": "HFS",
    "PercentPhaseFOV": 100,
    "PhaseEncodingSteps": 255,
    "PhaseResolution": 1,
    "PixelBandwidth": 200,
    "ProcedureStepDescription": "Turk-Browne_projects",
    "ProtocolName": "MPRAGE_1.0mm_ipat",
    "PulseSequenceDetails": "%SiemensSeq%_tfl",
    "ReceiveCoilActiveElements": "HC1-7;NC1,2",
    "ReceiveCoilName": "HeadNeck_64",
    "ReconMatrixPE": 256,
    "RepetitionTime": 2.53,
    "SAR": 0.0413463,
    "ScanOptions": "IR",
    "ScanningSequence": "GR_IR",
    "SequenceName": "_tfl3d1_16ns",
    "SequenceVariant": "SK_SP_MP",
    "SeriesDescription": "MPRAGE_1.0mm_ipat",
    "SeriesNumber": 2,
    "ShimSetting": [
      742,
      497,
      2023,
      252,
      -123,
      -210,
      317,
      13
    ],
    "SliceThickness": 1,
    "SoftwareVersions": "syngo_MR_D13D",
    "StationName": "AWP66018",
    "TxRefAmp": 237.293,
    "dataset": "ds001545",
    "modality": "T1w",
    "subject_id": "27"
  },
  "cjv": 0.3126650114459275,
  "cnr": 4.143362011512548,
  "efc": 0.5033810880354491,
  "fber": 9373.157487333458,
  "fwhm_avg": 4.172208098838429,
  "fwhm_x": 4.116574296515288,
  "fwhm_y": 4.18926,
  "fwhm_z": 4.21079,
  "icvs_csf": 0.20863635305643546,
  "icvs_gm": 0.45375581102555473,
  "icvs_wm": 0.3376078359180098,
  "inu_med": 0.6094756126403809,
  "inu_range": 0.28188734650611863,
  "provenance": {
    "md5sum": "1a8a64f0cef089c6472b91be024aaea0",
    "settings": {
      "testing": false
    },
    "software": "mriqc",
    "version": "23.0.1",
    "warnings": {
      "large_rot_frame": true,
      "small_air_mask": false
    },
    "webapi_port": null,
    "webapi_url": "https://mriqc.nimh.nih.gov/api/v1"
  },
  "qi_1": 0.0,
  "qi_2": 0.00307149263486132,
  "rpve_csf": 25.53609670076846,
  "rpve_gm": 12.369631521469563,
  "rpve_wm": 18.690900781798298,
  "size_x": 176,
  "size_y": 256,
  "size_z": 256,
  "snr_csf": 1.803842381673857,
  "snr_gm": 11.07837085024489,
  "snr_total": 10.914596693270502,
  "snr_wm": 19.86157684789276,
  "snrd_csf": 14.16516737923358,
  "snrd_gm": 46.092029330856676,
  "snrd_total": 42.99608113425393,
  "snrd_wm": 68.73104669267153,
  "spacing_x": 1.0000038146972656,
  "spacing_y": 1.0,
  "spacing_z": 1.0,
  "summary_bg_k": 2.5082102966180795,
  "summary_bg_mad": 9.531884789746584,
  "summary_bg_mean": 8.634033586057024,
  "summary_bg_median": 6.429158590734005,
  "summary_bg_n": 3594803.0,
  "summary_bg_p05": 0.0,
  "summary_bg_p95": 30.502248652279377,
  "summary_bg_stdv": 10.983165744948371,
  "summary_csf_k": 0.2083604113185884,
  "summary_csf_mad": 102.9515225599321,
  "summary_csf_mean": 233.60507653934854,
  "summary_csf_median": 206.09562144055963,
  "summary_csf_n": 29836.0,
  "summary_csf_p05": 84.44917336851358,
  "summary_csf_p95": 450.48824208043516,
  "summary_csf_stdv": 114.25176040743534,
  "summary_gm_k": 0.06740776173316387,
  "summary_gm_mad": 60.84639237966053,
  "summary_gm_mean": 668.4093477963468,
  "summary_gm_median": 670.6144145056605,
  "summary_gm_n": 34699.0,
  "summary_gm_p05": 565.2342210635543,
  "summary_gm_p95": 762.9477665670215,
  "summary_gm_stdv": 60.53279495611239,
  "summary_wm_k": 1.578192018910924,
  "summary_wm_mad": 42.14096433361648,
  "summary_wm_mean": 995.8083554214567,
  "summary_wm_median": 1000.0000283196568,
  "summary_wm_n": 164464.0,
  "summary_wm_p05": 902.1124633103609,
  "summary_wm_p95": 1068.8838703632355,
  "summary_wm_stdv": 50.34831805119439,
  "tpm_overlap_csf": 0.14819038654886024,
  "tpm_overlap_gm": 0.494987244439598,
  "tpm_overlap_wm": 0.5045606236589065,
  "wm2max": 0.3904902127338279
}