{
  "bids_meta": {
    "AcquisitionMatrixPE": 256,
    "AcquisitionNumber": 1,
    "AcquisitionTime": "16:51:38.855000",
    "BaseResolution": 256,
    "BodyPartExamined": "BRAIN",
    "ConsistencyInfo": "N4_VD13D_LATEST_20130810",
    "ConversionSoftware": "dcm2niix",
    "ConversionSoftwareVersion": "v1.0.20180518 GCC4.8.5",
    "DeviceSerialNumber": "66018",
    "DwellTime": 9.8e-06,
    "EchoTime": 0.00267,
    "FlipAngle": 7,
    "ImageOrientationPatientDICOM": [
      0,
      1,
      0,
      0,
      0,
      -1
    ],
    "ImageType": [
      "ORIGINAL",
      "PRIMARY",
      "M",
      "ND",
      "NORM"
    ],
    "InPlanePhaseEncodingDirectionDICOM": "ROW",
    "InstitutionAddress": "Stadium_1952_Princeton_NJ_US_08544",
    "InstitutionName": "Princeton_University",
    "InstitutionalDepartmentName": "NeuroScience",
    "InversionTime": 1.2,
    "MRAcquisitionType": "3D",
    "MagneticFieldStrength": 3,
    "Manufacturer": "Siemens",
    "ManufacturersModelName": "Prisma",
    "Modality": "MR",
    "ParallelReductionFactorInPlane": 2,
    "PartialFourier": 1,
    "PatientPosition": "HFS",
    "PercentPhaseFOV": 100,
    "PhaseEncodingSteps": 255,
    "PhaseResolution": 1,
    "PixelBandwidth": 200,
    "ProcedureStepDescription": "Turk-Browne_projects",
    "ProtocolName": "MPRAGE_1.0mm_ipat",
    "PulseSequenceDetails": "%SiemensSeq%_tfl",
    "ReceiveCoilActiveElements": "HC1-7;NC1",
    "ReceiveCoilName": "HeadNeck_64",
    "ReconMatrixPE": 256,
    "RepetitionTime": 2.53,
    "SAR": 0.0375761,
    "ScanOptions": "IR",
    "ScanningSequence": "GR_IR",
    "SequenceName": "_tfl3d1_16",
    "SequenceVariant": "SK_SP_MP",
    "SeriesDescription": "MPRAGE_1.0mm_ipat",
    "SeriesNumber": 2,
    "ShimSetting": [
      778,
      525,
      1812,
      237,
      -65,
      -105,
      178,
      18
    ],
    "SliceThickness": 1,
    "SoftwareVersions": "syngo_MR_D13D",
    "StationName": "AWP66018",
    "TxRefAmp": 219.317,
    "dataset": "ds001545",
    "modality": "T1w",
    "subject_id": "07"
  },
  "cjv": 0.3349355825582922,
  "cnr": 3.9442174879501164,
  "efc": 0.5195749457428337,
  "fber": 6316.618542090752,
  "fwhm_avg": 4.114646666666666,
  "fwhm_x": 3.92986,
  "fwhm_y": 4.0897,
  "fwhm_z": 4.32438,
  "icvs_csf": 0.24117920340185986,
  "icvs_gm": 0.4342267165769259,
  "icvs_wm": 0.3245940800212142,
  "inu_med": 0.5952296555042267,
  "inu_range": 0.2629666000604629,
  "provenance": {
    "md5sum": "1bc9d07df47370f3b67e5a26c00af65c",
    "settings": {
      "testing": false
    },
    "software": "mriqc",
    "version": "23.0.1",
    "warnings": {
      "large_rot_frame": true,
      "small_air_mask": false
    },
    "webapi_port": null,
    "webapi_url": "https://mriqc.nimh.nih.gov/api/v1"
  },
  "qi_1": 0.0,
  "qi_2": 0.0019326187263962332,
  "rpve_csf": 26.776409059070744,
  "rpve_gm": 14.928220459001631,
  "rpve_wm": 22.444478797117245,
  "size_x": 176,
  "size_y": 256,
  "size_z": 256,
  "snr_csf": 1.846933646204145,
  "snr_gm": 9.84851106340608,
  "snr_total": 11.493947854536321,
  "snr_wm": 22.786398853998733,
  "snrd_csf": 11.639712465896782,
  "snrd_gm": 41.80731025044302,
  "snrd_total": 38.45939831295417,
  "snrd_wm": 61.93117222252272,
  "spacing_x": 1.0,
  "spacing_y": 1.0,
  "spacing_z": 1.0,
  "summary_bg_k": 55.775121529385366,
  "summary_bg_mad": 10.578459791161984,
  "summary_bg_mean": 10.14883011854045,
  "summary_bg_median": 7.135062702000141,
  "summary_bg_n": 2884366.0,
  "summary_bg_p05": 0.0,
  "summary_bg_p95": 33.32493991404772,
  "summary_bg_stdv": 12.763975053586812,
  "summary_csf_k": 0.6978857346635641,
  "summary_csf_mad": 83.32092741391703,
  "summary_csf_mean": 209.81250913858798,
  "summary_csf_median": 187.94594576209784,
  "summary_csf_n": 43723.0,
  "summary_csf_p05": 78.65357355028391,
  "summary_csf_p95": 416.5617489255965,
  "summary_csf_stdv": 101.75990721485617,
  "summary_gm_k": 0.009879409886274448,
  "summary_gm_mad": 68.51108370629026,
  "summary_gm_mean": 672.853648706664,
  "summary_gm_median": 675.0608735233545,
  "summary_gm_n": 32562.0,
  "summary_gm_p05": 556.9147279174998,
  "summary_gm_p95": 782.2127269245684,
  "summary_gm_stdv": 68.54340755881906,
  "summary_wm_k": 0.8566197993807054,
  "summary_wm_mad": 40.32259967454686,
  "summary_wm_mean": 999.6873537547921,
  "summary_wm_median": 1000.0000231638551,
  "summary_wm_n": 146090.0,
  "summary_wm_p05": 927.3063255175948,
  "summary_wm_p95": 1070.4272891283035,
  "summary_wm_stdv": 43.88567965554975,
  "tpm_overlap_csf": 0.14006999650846774,
  "tpm_overlap_gm": 0.4625536422808499,
  "tpm_overlap_wm": 0.4830506864384442,
  "wm2max": 0.4383808647654094
}