{
  "bids_meta": {
    "AcquisitionMatrixPE": 256,
    "AcquisitionNumber": 1,
    "AcquisitionTime": "10:14:16.140000",
    "BaseResolution": 256,
    "BodyPartExamined": "BRAIN",
    "ConsistencyInfo": "N4_VD13D_LATEST_20130810",
    "ConversionSoftware": "dcm2niix",
    "ConversionSoftwareVersion": "v1.0.20180518 GCC4.8.5",
    "DeviceSerialNumber": "66018",
    "DwellTime": 9.8e-06,
    "EchoTime": 0.00219,
    "FlipAngle": 7,
    "ImageOrientationPatientDICOM": [
      0,
      1,
      0,
      0,
      0,
      -1
    ],
    "ImageType": [
      "ORIGINAL",
      "PRIMARY",
      "M",
      "ND",
      "NORM"
    ],
    "InPlanePhaseEncodingDirectionDICOM": "ROW",
    "InstitutionAddress": "Stadium_1952_Princeton_NJ_US_08544",
    "InstitutionName": "Princeton_University",
    "InstitutionalDepartmentName": "NeuroScience",
    "InversionTime": 1.2,
    "MRAcquisitionType": "3D",
    "MagneticFieldStrength": 3,
    "Manufacturer": "Siemens",
    "ManufacturersModelName": "Prisma",
    "Modality": "MR",
    "ParallelReductionFactorInPlane": 2,
    "PartialFourier": 1,
    "PatientPosition": "HFS",
    "PercentPhaseFOV": 100,
    "PhaseEncodingSteps": 255,
    "PhaseResolution": 1,
    "PixelBandwidth": 200,
    "ProcedureStepDescription": "Turk-Browne_projects",
    "ProtocolName": "MPRAGE_1.0mm_ipat",
    "PulseSequenceDetails": "%SiemensSeq%_tfl",
    "ReceiveCoilActiveElements": "HC1-7;NC1,2",
    "ReceiveCoilName": "HeadNeck_64",
    "ReconMatrixPE": 256,
    "RepetitionTime": 2.53,
    "SAR": 0.0485287,
    "ScanOptions": "IR",
    "ScanningSequence": "GR_IR",
    "SequenceName": "_tfl3d1_16ns",
    "SequenceVariant": "SK_SP_MP",
    "SeriesDescription": "MPRAGE_1.0mm_ipat",
    "SeriesNumber": 2,
    "ShimSetting": [
      746,
      511,
      1911,
      388,
      -101,
      -156,
      355,
      82
    ],
    "SliceThickness": 1,
    "SoftwareVersions": "syngo_MR_D13D",
    "StationName": "AWP66018",
    "TxRefAmp": 227.292,
    "dataset": "ds001545",
    "modality": "T1w",
    "subject_id": "26"
  },
  "cjv": 0.31167512155037713,
  "cnr": 4.243520437988497,
  "efc": 0.5366525659259133,
  "fber": 9936.766944444445,
  "fwhm_avg": 4.096626666666666,
  "fwhm_x": 3.9038,
  "fwhm_y": 4.10022,
  "fwhm_z": 4.28586,
  "icvs_csf": 0.21017511962301155,
  "icvs_gm": 0.4557928748892301,
  "icvs_wm": 0.33403200548775835,
  "inu_med": 0.6012049317359924,
  "inu_range": 0.3225846648216246,
  "provenance": {
    "md5sum": "80d5119d64649f1522f2bacc043fed91",
    "settings": {
      "testing": false
    },
    "software": "mriqc",
    "version": "23.0.1",
    "warnings": {
      "large_rot_frame": true,
      "small_air_mask": false
    },
    "webapi_port": null,
    "webapi_url": "https://mriqc.nimh.nih.gov/api/v1"
  },
  "qi_1": 0.0,
  "qi_2": 0.002787879234792462,
  "rpve_csf": 25.41974884071798,
  "rpve_gm": 12.623538698976423,
  "rpve_wm": 19.33512819604489,
  "size_x": 176,
  "size_y": 256,
  "size_z": 256,
  "snr_csf": 1.8265165269014554,
  "snr_gm": 11.47114263972203,
  "snr_total": 12.349326274830313,
  "snr_wm": 23.750319657867454,
  "snrd_csf": 12.384769378580458,
  "snrd_gm": 47.37251282035025,
  "snrd_total": 42.95859476128866,
  "snrd_wm": 69.11850208493526,
  "spacing_x": 1.0,
  "spacing_y": 1.0,
  "spacing_z": 1.0,
  "summary_bg_k": 3.3270782802191032,
  "summary_bg_mad": 9.47881934666328,
  "summary_bg_mean": 10.342363538992947,
  "summary_bg_median": 6.393366493284702,
  "summary_bg_n": 2813856.0,
  "summary_bg_p05": 0.0,
  "summary_bg_p95": 34.6791697666049,
  "summary_bg_stdv": 12.42318843621369,
  "summary_csf_k": 1.6965375912293048,
  "summary_csf_mad": 77.69759494764901,
  "summary_csf_mean": 200.15964536175701,
  "summary_csf_median": 179.1886263526976,
  "summary_csf_n": 31670.0,
  "summary_csf_p05": 77.62903091497719,
  "summary_csf_p95": 403.057197574526,
  "summary_csf_stdv": 98.1024779655452,
  "summary_gm_k": 0.1726076520962292,
  "summary_gm_mad": 58.826127339292114,
  "summary_gm_mean": 684.0142730516345,
  "summary_gm_median": 685.407635755837,
  "summary_gm_n": 41725.0,
  "summary_gm_p05": 583.5012486204505,
  "summary_gm_p95": 779.7582261264324,
  "summary_gm_stdv": 59.749882277669464,
  "summary_wm_k": 0.7041276598271811,
  "summary_wm_mad": 39.236567356188004,
  "summary_wm_mean": 1000.0835078008403,
  "summary_wm_median": 1000.0387625768781,
  "summary_wm_n": 176865.0,
  "summary_wm_p05": 931.3003858551383,
  "summary_wm_p95": 1068.6608962714672,
  "summary_wm_stdv": 42.10620951019815,
  "tpm_overlap_csf": 0.16168063242473685,
  "tpm_overlap_gm": 0.4749934585922524,
  "tpm_overlap_wm": 0.5140696071674258,
  "wm2max": 0.487681525389343
}