{
  "bids_meta": {
    "AcquisitionMatrixPE": 256,
    "AcquisitionNumber": 1,
    "AcquisitionTime": "10:26:45.605000",
    "BaseResolution": 256,
    "BodyPartExamined": "BRAIN",
    "ConsistencyInfo": "N4_VD13D_LATEST_20130810",
    "ConversionSoftware": "dcm2niix",
    "ConversionSoftwareVersion": "v1.0.20180518 GCC4.8.5",
    "DeviceSerialNumber": "66018",
    "DwellTime": 9.8e-06,
    "EchoTime": 0.00267,
    "FlipAngle": 7,
    "ImageOrientationPatientDICOM": [
      0,
      1,
      0,
      0,
      0,
      -1
    ],
    "ImageType": [
      "ORIGINAL",
      "PRIMARY",
      "M",
      "ND",
      "NORM"
    ],
    "InPlanePhaseEncodingDirectionDICOM": "ROW",
    "InstitutionAddress": "Stadium_1952_Princeton_NJ_US_08544",
    "InstitutionName": "Princeton_University",
    "InstitutionalDepartmentName": "NeuroScience",
    "InversionTime": 1.2,
    "MRAcquisitionType": "3D",
    "MagneticFieldStrength": 3,
    "Manufacturer": "Siemens",
    "ManufacturersModelName": "Prisma",
    "Modality": "MR",
    "ParallelReductionFactorInPlane": 2,
    "PartialFourier": 1,
    "PatientPosition": "HFS",
    "PercentPhaseFOV": 100,
    "PhaseEncodingSteps": 255,
    "PhaseResolution": 1,
    "PixelBandwidth": 200,
    "ProcedureStepDescription": "Turk-Browne_projects",
    "ProtocolName": "MPRAGE_1.0mm_ipat",
    "PulseSequenceDetails": "%SiemensSeq%_tfl",
    "ReceiveCoilActiveElements": "HC1-7;NC1,2",
    "ReceiveCoilName": "HeadNeck_64",
    "ReconMatrixPE": 256,
    "RepetitionTime": 2.53,
    "SAR": 0.0293594,
    "ScanOptions": "IR",
    "ScanningSequence": "GR_IR",
    "SequenceName": "_tfl3d1_16",
    "SequenceVariant": "SK_SP_MP",
    "SeriesDescription": "MPRAGE_1.0mm_ipat",
    "SeriesNumber": 2,
    "ShimSetting": [
      763,
      535,
      2013,
      266,
      -94,
      -41,
      213,
      39
    ],
    "SliceThickness": 1,
    "SoftwareVersions": "syngo_MR_D13D",
    "StationName": "AWP66018",
    "TxRefAmp": 217.327,
    "dataset": "ds001545",
    "modality": "T1w",
    "subject_id": "05"
  },
  "cjv": 0.3383727239790668,
  "cnr": 3.8886577172626757,
  "efc": 0.5390814017892519,
  "fber": 6124.975427160493,
  "fwhm_avg": 4.297666666666667,
  "fwhm_x": 4.18586,
  "fwhm_y": 4.23332,
  "fwhm_z": 4.47382,
  "icvs_csf": 0.1973540422577061,
  "icvs_gm": 0.4405646467826878,
  "icvs_wm": 0.3620813109596061,
  "inu_med": 0.5345781445503235,
  "inu_range": 0.32646712064743044,
  "provenance": {
    "md5sum": "cbb3e4685cdbed96e0c4d9efe57f886d",
    "settings": {
      "testing": false
    },
    "software": "mriqc",
    "version": "23.0.1",
    "warnings": {
      "large_rot_frame": true,
      "small_air_mask": false
    },
    "webapi_port": null,
    "webapi_url": "https://mriqc.nimh.nih.gov/api/v1"
  },
  "qi_1": 0.0,
  "qi_2": 0.002813792068861038,
  "rpve_csf": 23.33767213964143,
  "rpve_gm": 11.349397084743867,
  "rpve_wm": 16.213517871730147,
  "size_x": 176,
  "size_y": 256,
  "size_z": 256,
  "snr_csf": 1.8174666361178855,
  "snr_gm": 9.679707240338574,
  "snr_total": 12.371213143276941,
  "snr_wm": 25.616465553374365,
  "snrd_csf": 10.507613780063947,
  "snrd_gm": 41.10182835006762,
  "snrd_total": 37.265822195115604,
  "snrd_wm": 60.18802445521525,
  "spacing_x": 1.0,
  "spacing_y": 1.0,
  "spacing_z": 1.0,
  "summary_bg_k": 6.7783255277159675,
  "summary_bg_mad": 10.885235514541131,
  "summary_bg_mean": 10.572706919673498,
  "summary_bg_median": 7.341979783028364,
  "summary_bg_n": 2908947.0,
  "summary_bg_p05": 0.0,
  "summary_bg_p95": 33.76565321534872,
  "summary_bg_stdv": 12.210137659109858,
  "summary_csf_k": 1.9645524270498225,
  "summary_csf_mad": 81.47350135122282,
  "summary_csf_mean": 194.254589010456,
  "summary_csf_median": 174.5863162111491,
  "summary_csf_n": 30252.0,
  "summary_csf_p05": 81.24627374112606,
  "summary_csf_p95": 390.652954749763,
  "summary_csf_stdv": 96.05867155105406,
  "summary_gm_k": -0.08278970812326847,
  "summary_gm_mad": 71.27895336933025,
  "summary_gm_mean": 682.5343856303718,
  "summary_gm_median": 682.9159266203642,
  "summary_gm_n": 35422.0,
  "summary_gm_p05": 566.9741397878155,
  "summary_gm_p95": 797.5178953148425,
  "summary_gm_stdv": 70.55030383481376,
  "summary_wm_k": 0.7562495575603871,
  "summary_wm_mad": 36.02626170294831,
  "summary_wm_mean": 1000.3820644270983,
  "summary_wm_median": 1000.0372767411172,
  "summary_wm_n": 223547.0,
  "summary_wm_p05": 937.1273179911077,
  "summary_wm_p95": 1064.6616064049304,
  "summary_wm_stdv": 39.038759578500645,
  "tpm_overlap_csf": 0.16217198383551876,
  "tpm_overlap_gm": 0.4578616426219784,
  "tpm_overlap_wm": 0.5004914681284491,
  "wm2max": 0.5233766993699897
}