{
  "bids_meta": {
    "AcquisitionMatrixPE": 256,
    "AcquisitionNumber": 1,
    "AcquisitionTime": "10:48:58.325000",
    "BaseResolution": 256,
    "BodyPartExamined": "BRAIN",
    "ConsistencyInfo": "N4_VD13D_LATEST_20130810",
    "ConversionSoftware": "dcm2niix",
    "ConversionSoftwareVersion": "v1.0.20180518 GCC4.8.5",
    "DeviceSerialNumber": "66018",
    "DwellTime": 9.8e-06,
    "EchoTime": 0.00267,
    "FlipAngle": 7,
    "ImageOrientationPatientDICOM": [
      0,
      1,
      0,
      0,
      0,
      -1
    ],
    "ImageType": [
      "ORIGINAL",
      "PRIMARY",
      "M",
      "ND",
      "NORM"
    ],
    "InPlanePhaseEncodingDirectionDICOM": "ROW",
    "InstitutionAddress": "Stadium_1952_Princeton_NJ_US_08544",
    "InstitutionName": "Princeton_University",
    "InstitutionalDepartmentName": "NeuroScience",
    "InversionTime": 1.2,
    "MRAcquisitionType": "3D",
    "MagneticFieldStrength": 3,
    "Manufacturer": "Siemens",
    "ManufacturersModelName": "Prisma",
    "Modality": "MR",
    "ParallelReductionFactorInPlane": 2,
    "PartialFourier": 1,
    "PatientPosition": "HFS",
    "PercentPhaseFOV": 100,
    "PhaseEncodingSteps": 255,
    "PhaseResolution": 1,
    "PixelBandwidth": 200,
    "ProcedureStepDescription": "Turk-Browne_projects",
    "ProtocolName": "MPRAGE_1.0mm_ipat",
    "PulseSequenceDetails": "%SiemensSeq%_tfl",
    "ReceiveCoilActiveElements": "HC1-7;NC1",
    "ReceiveCoilName": "HeadNeck_64",
    "ReconMatrixPE": 256,
    "RepetitionTime": 2.53,
    "SAR": 0.0270512,
    "ScanOptions": "IR",
    "ScanningSequence": "GR_IR",
    "SequenceName": "_tfl3d1_16",
    "SequenceVariant": "SK_SP_MP",
    "SeriesDescription": "MPRAGE_1.0mm_ipat",
    "SeriesNumber": 2,
    "ShimSetting": [
      721,
      646,
      1909,
      453,
      -219,
      38,
      56,
      194
    ],
    "SliceThickness": 1,
    "SoftwareVersions": "syngo_MR_D13D",
    "StationName": "AWP66018",
    "TxRefAmp": 217.206,
    "dataset": "ds001545",
    "modality": "T1w",
    "subject_id": "15"
  },
  "cjv": 0.3496272855892589,
  "cnr": 3.849412136735875,
  "efc": 0.5394631215327435,
  "fber": 9518.52217008026,
  "fwhm_avg": 4.198196666666667,
  "fwhm_x": 4.1603,
  "fwhm_y": 4.00152,
  "fwhm_z": 4.43277,
  "icvs_csf": 0.19037249351306698,
  "icvs_gm": 0.45459265339784294,
  "icvs_wm": 0.3550348530890901,
  "inu_med": 0.6109596192836761,
  "inu_range": 0.3403127819299697,
  "provenance": {
    "md5sum": "a35a39f50cff793ffb4a3c25bd915799",
    "settings": {
      "testing": false
    },
    "software": "mriqc",
    "version": "23.0.1",
    "warnings": {
      "large_rot_frame": true,
      "small_air_mask": false
    },
    "webapi_port": null,
    "webapi_url": "https://mriqc.nimh.nih.gov/api/v1"
  },
  "qi_1": 0.0,
  "qi_2": 0.0027671152645003957,
  "rpve_csf": 26.97808050177051,
  "rpve_gm": 12.391199971257391,
  "rpve_wm": 17.823223578279233,
  "size_x": 176,
  "size_y": 256,
  "size_z": 256,
  "snr_csf": 1.3890126556677649,
  "snr_gm": 10.428097685016986,
  "snr_total": 11.088541208770868,
  "snr_wm": 21.448513285627847,
  "snrd_csf": 14.133981336024288,
  "snrd_gm": 46.73615602308874,
  "snrd_total": 42.996344257902706,
  "snrd_wm": 68.1188954145951,
  "spacing_x": 1.0,
  "spacing_y": 1.0,
  "spacing_z": 1.0,
  "summary_bg_k": 12.659103632663602,
  "summary_bg_mad": 9.617985758661375,
  "summary_bg_mean": 9.783231876524132,
  "summary_bg_median": 6.4872328117489815,
  "summary_bg_n": 3174981.0,
  "summary_bg_p05": 0.0,
  "summary_bg_p95": 32.75822526216507,
  "summary_bg_stdv": 12.139498074033826,
  "summary_csf_k": 40.973160869477574,
  "summary_csf_mad": 98.63551352499536,
  "summary_csf_mean": 236.13414671342863,
  "summary_csf_median": 207.49943248927593,
  "summary_csf_n": 24701.0,
  "summary_csf_p05": 76.51254018396139,
  "summary_csf_p95": 460.2254596874118,
  "summary_csf_stdv": 149.3832553481601,
  "summary_gm_k": 0.020267516072506542,
  "summary_gm_mad": 65.89343434657367,
  "summary_gm_mean": 685.6526690485757,
  "summary_gm_median": 686.1283895149827,
  "summary_gm_n": 45732.0,
  "summary_gm_p05": 576.4688501875847,
  "summary_gm_p95": 793.144726537168,
  "summary_gm_stdv": 65.79540282187857,
  "summary_wm_k": 0.5864005765199298,
  "summary_wm_mad": 43.860743566094065,
  "summary_wm_mean": 1001.0154296054283,
  "summary_wm_median": 1000.0460453629494,
  "summary_wm_n": 200156.0,
  "summary_wm_p05": 926.4780647531152,
  "summary_wm_p95": 1079.0890664309263,
  "summary_wm_stdv": 46.62530842468188,
  "tpm_overlap_csf": 0.14454475684125523,
  "tpm_overlap_gm": 0.4812026441381343,
  "tpm_overlap_wm": 0.511404635276552,
  "wm2max": 0.44990892531876137
}