{
  "bids_meta": {
    "AcquisitionMatrixPE": 256,
    "AcquisitionNumber": 1,
    "AcquisitionTime": "10:13:56.807500",
    "BaseResolution": 256,
    "BodyPartExamined": "BRAIN",
    "ConsistencyInfo": "N4_VD13D_LATEST_20130810",
    "ConversionSoftware": "dcm2niix",
    "ConversionSoftwareVersion": "v1.0.20180518 GCC4.8.5",
    "DeviceSerialNumber": "66018",
    "DwellTime": 9.8e-06,
    "EchoTime": 0.00267,
    "FlipAngle": 7,
    "ImageOrientationPatientDICOM": [
      -0.0819744,
      0.996634,
      -1.56071e-08,
      0.029467,
      0.00242368,
      -0.999563
    ],
    "ImageType": [
      "ORIGINAL",
      "PRIMARY",
      "M",
      "ND",
      "NORM"
    ],
    "InPlanePhaseEncodingDirectionDICOM": "ROW",
    "InstitutionAddress": "Stadium_1952_Princeton_NJ_US_08544",
    "InstitutionName": "Princeton_University",
    "InstitutionalDepartmentName": "NeuroScience",
    "InversionTime": 1.2,
    "MRAcquisitionType": "3D",
    "MagneticFieldStrength": 3,
    "Manufacturer": "Siemens",
    "ManufacturersModelName": "Prisma",
    "Modality": "MR",
    "ParallelReductionFactorInPlane": 2,
    "PartialFourier": 1,
    "PatientPosition": "HFS",
    "PercentPhaseFOV": 100,
    "PhaseEncodingSteps": 255,
    "PhaseResolution": 1,
    "PixelBandwidth": 200,
    "ProcedureStepDescription": "Turk-Browne_projects",
    "ProtocolName": "MPRAGE_1.0mm_ipat",
    "PulseSequenceDetails": "%SiemensSeq%_tfl",
    "ReceiveCoilActiveElements": "HC1-7;NC1,2",
    "ReceiveCoilName": "HeadNeck_64",
    "ReconMatrixPE": 256,
    "RepetitionTime": 2.53,
    "SAR": 0.0468804,
    "ScanOptions": "IR",
    "ScanningSequence": "GR_IR",
    "SequenceName": "_tfl3d1_16",
    "SequenceVariant": "SK_SP_MP",
    "SeriesDescription": "MPRAGE_1.0mm_ipat",
    "SeriesNumber": 2,
    "ShimSetting": [
      789,
      561,
      2044,
      457,
      -88,
      -122,
      236,
      -24
    ],
    "SliceThickness": 1,
    "SoftwareVersions": "syngo_MR_D13D",
    "StationName": "AWP66018",
    "TxRefAmp": 270.004,
    "dataset": "ds001545",
    "modality": "T1w",
    "subject_id": "10"
  },
  "cjv": 0.34017066130179296,
  "cnr": 3.898815776707982,
  "efc": 0.5272486237555937,
  "fber": 8533.140625,
  "fwhm_avg": 4.302793888133038,
  "fwhm_x": 4.113181664399113,
  "fwhm_y": 4.30293,
  "fwhm_z": 4.49227,
  "icvs_csf": 0.22470994976099645,
  "icvs_gm": 0.4317940454843314,
  "icvs_wm": 0.3434960047546721,
  "inu_med": 0.5542250871658325,
  "inu_range": 0.3268895149230957,
  "provenance": {
    "md5sum": "84bf27e7e073336a6ecac6dd4f50e911",
    "settings": {
      "testing": false
    },
    "software": "mriqc",
    "version": "23.0.1",
    "warnings": {
      "large_rot_frame": true,
      "small_air_mask": false
    },
    "webapi_port": null,
    "webapi_url": "https://mriqc.nimh.nih.gov/api/v1"
  },
  "qi_1": 0.0,
  "qi_2": 0.0030615938390313427,
  "rpve_csf": 23.097705821480513,
  "rpve_gm": 12.486901173779517,
  "rpve_wm": 18.160713578239573,
  "size_x": 176,
  "size_y": 256,
  "size_z": 256,
  "snr_csf": 2.0298516216064955,
  "snr_gm": 10.474265088768746,
  "snr_total": 12.108839443834375,
  "snr_wm": 23.82240162112788,
  "snrd_csf": 11.583443115097744,
  "snrd_gm": 42.92377133221801,
  "snrd_total": 38.864378519489414,
  "snrd_wm": 62.085921111152494,
  "spacing_x": 1.0000020265579224,
  "spacing_y": 1.0,
  "spacing_z": 1.0,
  "summary_bg_k": 6.405245468092382,
  "summary_bg_mad": 10.552092614205826,
  "summary_bg_mean": 10.581084048706131,
  "summary_bg_median": 7.117278311401606,
  "summary_bg_n": 3102731.0,
  "summary_bg_p05": 0.0,
  "summary_bg_p95": 33.84064404666424,
  "summary_bg_stdv": 12.163891715092586,
  "summary_csf_k": 2.204519746747147,
  "summary_csf_mad": 71.07730308059395,
  "summary_csf_mean": 205.3063894724095,
  "summary_csf_median": 186.57116982340813,
  "summary_csf_n": 42409.0,
  "summary_csf_p05": 93.1960593983531,
  "summary_csf_p95": 397.1351772248745,
  "summary_csf_stdv": 91.91261477426323,
  "summary_gm_k": 0.041873272880213364,
  "summary_gm_mad": 65.90080481702128,
  "summary_gm_mean": 690.7991738238882,
  "summary_gm_median": 691.3607768528163,
  "summary_gm_n": 35532.0,
  "summary_gm_p05": 580.5080480838194,
  "summary_gm_p95": 797.7618494704366,
  "summary_gm_stdv": 66.00473085405186,
  "summary_wm_k": 0.7104625375498181,
  "summary_wm_mad": 39.089198426209,
  "summary_wm_mean": 999.6719330261552,
  "summary_wm_median": 999.9999841302633,
  "summary_wm_n": 195581.0,
  "summary_wm_p05": 930.1700837165117,
  "summary_wm_p95": 1067.323170170188,
  "summary_wm_stdv": 41.97718783964245,
  "tpm_overlap_csf": 0.15005391720032213,
  "tpm_overlap_gm": 0.4484793390166325,
  "tpm_overlap_wm": 0.4929320332264608,
  "wm2max": 0.46710180942882507
}