{
  "bids_meta": {
    "AcquisitionMatrixPE": 256,
    "AcquisitionNumber": 1,
    "AcquisitionTime": "11:12:31.162500",
    "BaseResolution": 256,
    "BodyPartExamined": "BRAIN",
    "ConsistencyInfo": "N4_VD13D_LATEST_20130810",
    "ConversionSoftware": "dcm2niix",
    "ConversionSoftwareVersion": "v1.0.20180518 GCC4.8.5",
    "DeviceSerialNumber": "66018",
    "DwellTime": 9.8e-06,
    "EchoTime": 0.00219,
    "FlipAngle": 7,
    "ImageOrientationPatientDICOM": [
      0,
      1,
      0,
      -0.0383878,
      0,
      -0.999263
    ],
    "ImageType": [
      "ORIGINAL",
      "PRIMARY",
      "M",
      "ND",
      "NORM"
    ],
    "InPlanePhaseEncodingDirectionDICOM": "ROW",
    "InstitutionAddress": "Stadium_1952_Princeton_NJ_US_08544",
    "InstitutionName": "Princeton_University",
    "InstitutionalDepartmentName": "NeuroScience",
    "InversionTime": 1.2,
    "MRAcquisitionType": "3D",
    "MagneticFieldStrength": 3,
    "Manufacturer": "Siemens",
    "ManufacturersModelName": "Prisma",
    "Modality": "MR",
    "ParallelReductionFactorInPlane": 2,
    "PartialFourier": 1,
    "PatientPosition": "HFS",
    "PercentPhaseFOV": 100,
    "PhaseEncodingSteps": 255,
    "PhaseResolution": 1,
    "PixelBandwidth": 200,
    "ProcedureStepDescription": "Turk-Browne_projects",
    "ProtocolName": "MPRAGE_1.0mm_ipat",
    "PulseSequenceDetails": "%SiemensSeq%_tfl",
    "ReceiveCoilActiveElements": "HC1-7;NC1,2",
    "ReceiveCoilName": "HeadNeck_64",
    "ReconMatrixPE": 256,
    "RepetitionTime": 2.53,
    "SAR": 0.0431799,
    "ScanOptions": "IR",
    "ScanningSequence": "GR_IR",
    "SequenceName": "_tfl3d1_16ns",
    "SequenceVariant": "SK_SP_MP",
    "SeriesDescription": "MPRAGE_1.0mm_ipat",
    "SeriesNumber": 2,
    "ShimSetting": [
      727,
      525,
      1988,
      327,
      -142,
      -148,
      318,
      65
    ],
    "SliceThickness": 1,
    "SoftwareVersions": "syngo_MR_D13D",
    "StationName": "AWP66018",
    "TxRefAmp": 260.402,
    "dataset": "ds001545",
    "modality": "T1w",
    "subject_id": "18"
  },
  "cjv": 0.3434699036405503,
  "cnr": 3.7956241027423157,
  "efc": 0.5589453608314577,
  "fber": 6851.628854956732,
  "fwhm_avg": 4.237900948998946,
  "fwhm_x": 4.066732846996837,
  "fwhm_y": 4.26746,
  "fwhm_z": 4.37951,
  "icvs_csf": 0.22571084057924906,
  "icvs_gm": 0.43138359202856025,
  "icvs_wm": 0.3429055673921907,
  "inu_med": 0.6371723413467407,
  "inu_range": 0.4015400052070617,
  "provenance": {
    "md5sum": "45ab1a28d47332abd6801c25c03168bb",
    "settings": {
      "testing": false
    },
    "software": "mriqc",
    "version": "23.0.1",
    "warnings": {
      "large_rot_frame": true,
      "small_air_mask": false
    },
    "webapi_port": null,
    "webapi_url": "https://mriqc.nimh.nih.gov/api/v1"
  },
  "qi_1": 1.9401265849448396e-06,
  "qi_2": 0.00256781917251342,
  "rpve_csf": 20.889134065212033,
  "rpve_gm": 11.175686654038094,
  "rpve_wm": 16.101462665536022,
  "size_x": 176,
  "size_y": 256,
  "size_z": 256,
  "snr_csf": 2.0968706157790473,
  "snr_gm": 10.10088480909141,
  "snr_total": 11.871395855158262,
  "snr_wm": 23.41643214060433,
  "snrd_csf": 11.12221980331519,
  "snrd_gm": 42.37866345598312,
  "snrd_total": 38.31354221796062,
  "snrd_wm": 61.43974339458355,
  "spacing_x": 0.9999968409538269,
  "spacing_y": 1.0,
  "spacing_z": 1.0,
  "summary_bg_k": 5.3097491471526705,
  "summary_bg_mad": 10.663072173310763,
  "summary_bg_mean": 11.65139957903736,
  "summary_bg_median": 7.1921328864991665,
  "summary_bg_n": 3364561.0,
  "summary_bg_p05": 0.0,
  "summary_bg_p95": 38.70052457973361,
  "summary_bg_stdv": 13.93249119063468,
  "summary_csf_k": 3.577513236887304,
  "summary_csf_mad": 61.65722004975611,
  "summary_csf_mean": 198.0125449262614,
  "summary_csf_median": 181.0264740139246,
  "summary_csf_n": 67658.0,
  "summary_csf_p05": 94.23161863535643,
  "summary_csf_p95": 376.9827395265919,
  "summary_csf_stdv": 86.33109493803283,
  "summary_gm_k": 0.07158942999958606,
  "summary_gm_mad": 67.17010090126372,
  "summary_gm_mean": 689.0398456154771,
  "summary_gm_median": 689.7597920671105,
  "summary_gm_n": 35949.0,
  "summary_gm_p05": 574.8324441052973,
  "summary_gm_p95": 800.264222934097,
  "summary_gm_stdv": 68.28611665698311,
  "summary_wm_k": 0.9402239159373522,
  "summary_wm_mad": 39.38808292590302,
  "summary_wm_mean": 1000.6671662294771,
  "summary_wm_median": 1000.000027667731,
  "summary_wm_n": 213569.0,
  "summary_wm_p05": 932.2863411717117,
  "summary_wm_p95": 1071.285317569971,
  "summary_wm_stdv": 42.704955242398945,
  "tpm_overlap_csf": 0.15066455047314276,
  "tpm_overlap_gm": 0.44012426034778773,
  "tpm_overlap_wm": 0.4821639314783096,
  "wm2max": 0.4316396350734921
}