{
  "bids_meta": {
    "AcquisitionMatrixPE": 256,
    "AcquisitionNumber": 1,
    "AcquisitionTime": "10:12:9.542500",
    "BaseResolution": 256,
    "BodyPartExamined": "BRAIN",
    "ConsistencyInfo": "N4_VD13D_LATEST_20130810",
    "ConversionSoftware": "dcm2niix",
    "ConversionSoftwareVersion": "v1.0.20180518 GCC4.8.5",
    "DeviceSerialNumber": "66018",
    "DwellTime": 9.8e-06,
    "EchoTime": 0.00219,
    "FlipAngle": 7,
    "ImageOrientationPatientDICOM": [
      0,
      1,
      0,
      0,
      0,
      -1
    ],
    "ImageType": [
      "ORIGINAL",
      "PRIMARY",
      "M",
      "ND",
      "NORM"
    ],
    "InPlanePhaseEncodingDirectionDICOM": "ROW",
    "InstitutionAddress": "Stadium_1952_Princeton_NJ_US_08544",
    "InstitutionName": "Princeton_University",
    "InstitutionalDepartmentName": "NeuroScience",
    "InversionTime": 1.2,
    "MRAcquisitionType": "3D",
    "MagneticFieldStrength": 3,
    "Manufacturer": "Siemens",
    "ManufacturersModelName": "Prisma",
    "Modality": "MR",
    "ParallelReductionFactorInPlane": 2,
    "PartialFourier": 1,
    "PatientPosition": "HFS",
    "PercentPhaseFOV": 100,
    "PhaseEncodingSteps": 255,
    "PhaseResolution": 1,
    "PixelBandwidth": 200,
    "ProcedureStepDescription": "Turk-Browne_projects",
    "ProtocolName": "MPRAGE_1.0mm_ipat",
    "PulseSequenceDetails": "%SiemensSeq%_tfl",
    "ReceiveCoilActiveElements": "HC1-7;NC1,2",
    "ReceiveCoilName": "HeadNeck_64",
    "ReconMatrixPE": 256,
    "RepetitionTime": 2.53,
    "SAR": 0.0434277,
    "ScanOptions": "IR",
    "ScanningSequence": "GR_IR",
    "SequenceName": "_tfl3d1_16ns",
    "SequenceVariant": "SK_SP_MP",
    "SeriesDescription": "MPRAGE_1.0mm_ipat",
    "SeriesNumber": 2,
    "ShimSetting": [
      762,
      510,
      2017,
      270,
      -77,
      -188,
      215,
      47
    ],
    "SliceThickness": 1,
    "SoftwareVersions": "syngo_MR_D13D",
    "StationName": "AWP66018",
    "TxRefAmp": 226.607,
    "dataset": "ds001545",
    "modality": "T1w",
    "subject_id": "22"
  },
  "cjv": 0.3399903232899217,
  "cnr": 3.515069342209855,
  "efc": 0.5291028486937681,
  "fber": 4012.1537028569496,
  "fwhm_avg": 3.841343333333333,
  "fwhm_x": 3.65893,
  "fwhm_y": 3.82767,
  "fwhm_z": 4.03743,
  "icvs_csf": 0.20091268933950174,
  "icvs_gm": 0.4658178743894451,
  "icvs_wm": 0.33326943627105315,
  "inu_med": 0.5880622863769531,
  "inu_range": 0.2975904643535614,
  "provenance": {
    "md5sum": "e05f7c463cea76976938a20637e87a57",
    "settings": {
      "testing": false
    },
    "software": "mriqc",
    "version": "23.0.1",
    "warnings": {
      "large_rot_frame": true,
      "small_air_mask": false
    },
    "webapi_port": null,
    "webapi_url": "https://mriqc.nimh.nih.gov/api/v1"
  },
  "qi_1": 0.0014977842127824768,
  "qi_2": 0.00044391782834138794,
  "rpve_csf": 28.92676512750106,
  "rpve_gm": 13.632698219048644,
  "rpve_wm": 21.50193656030895,
  "size_x": 176,
  "size_y": 256,
  "size_z": 256,
  "snr_csf": 1.8724241409016977,
  "snr_gm": 10.807522084600436,
  "snr_total": 12.242817556904955,
  "snr_wm": 24.048506445212734,
  "snrd_csf": 8.951232034217417,
  "snrd_gm": 28.04979649739106,
  "snrd_total": 25.70255299277999,
  "snrd_wm": 40.106630446731494,
  "spacing_x": 1.0,
  "spacing_y": 1.0,
  "spacing_z": 1.0,
  "summary_bg_k": 194.17926569051158,
  "summary_bg_mad": 16.334865089939694,
  "summary_bg_mean": 18.475228975265452,
  "summary_bg_median": 11.01769907400012,
  "summary_bg_n": 3456532.0,
  "summary_bg_p05": 0.0,
  "summary_bg_p95": 53.84955732151866,
  "summary_bg_stdv": 37.38348113157658,
  "summary_csf_k": 0.8412961066415221,
  "summary_csf_mad": 99.64923723541524,
  "summary_csf_mean": 250.24402004279102,
  "summary_csf_median": 223.18583987653255,
  "summary_csf_n": 21514.0,
  "summary_csf_p05": 91.46017665043473,
  "summary_csf_p95": 474.9269893812015,
  "summary_csf_stdv": 119.19342842801967,
  "summary_gm_k": 0.14183825936053118,
  "summary_gm_mad": 63.10899685350195,
  "summary_gm_mean": 696.6969471172185,
  "summary_gm_median": 699.3805283680558,
  "summary_gm_n": 32769.0,
  "summary_gm_p05": 585.8407057821751,
  "summary_gm_p95": 799.4778731279074,
  "summary_gm_stdv": 64.71139743576151,
  "summary_wm_k": 0.628832295315048,
  "summary_wm_mad": 39.09871322732553,
  "summary_wm_mean": 1000.4111833219661,
  "summary_wm_median": 999.9999962747097,
  "summary_wm_n": 152718.0,
  "summary_wm_p05": 933.0973416566849,
  "summary_wm_p95": 1069.0331818582488,
  "summary_wm_stdv": 41.58248765008548,
  "tpm_overlap_csf": 0.14499928943729626,
  "tpm_overlap_gm": 0.4769738762254461,
  "tpm_overlap_wm": 0.4969333300918263,
  "wm2max": 0.48778558456541316
}