{
  "bids_meta": {
    "AcquisitionMatrixPE": 256,
    "AcquisitionNumber": 1,
    "AcquisitionTime": "14:18:23.985000",
    "BaseResolution": 256,
    "BodyPartExamined": "BRAIN",
    "ConsistencyInfo": "N4_VD13D_LATEST_20130810",
    "ConversionSoftware": "dcm2niix",
    "ConversionSoftwareVersion": "v1.0.20180518 GCC4.8.5",
    "DeviceSerialNumber": "66018",
    "DwellTime": 9.8e-06,
    "EchoTime": 0.00267,
    "FlipAngle": 7,
    "ImageOrientationPatientDICOM": [
      -0.127065,
      0.991894,
      0,
      0,
      0,
      -1
    ],
    "ImageType": [
      "ORIGINAL",
      "PRIMARY",
      "M",
      "ND",
      "NORM"
    ],
    "InPlanePhaseEncodingDirectionDICOM": "ROW",
    "InstitutionAddress": "Stadium_1952_Princeton_NJ_US_08544",
    "InstitutionName": "Princeton_University",
    "InstitutionalDepartmentName": "NeuroScience",
    "InversionTime": 1.2,
    "MRAcquisitionType": "3D",
    "MagneticFieldStrength": 3,
    "Manufacturer": "Siemens",
    "ManufacturersModelName": "Prisma",
    "Modality": "MR",
    "ParallelReductionFactorInPlane": 2,
    "PartialFourier": 1,
    "PatientPosition": "HFS",
    "PercentPhaseFOV": 100,
    "PhaseEncodingSteps": 255,
    "PhaseResolution": 1,
    "PixelBandwidth": 200,
    "ProcedureStepDescription": "Turk-Browne_projects",
    "ProtocolName": "MPRAGE_1.0mm_ipat",
    "PulseSequenceDetails": "%SiemensSeq%_tfl",
    "ReceiveCoilActiveElements": "HC1-7;NC1,2",
    "ReceiveCoilName": "HeadNeck_64",
    "ReconMatrixPE": 256,
    "RepetitionTime": 2.53,
    "SAR": 0.0346176,
    "ScanOptions": "IR",
    "ScanningSequence": "GR_IR",
    "SequenceName": "_tfl3d1_16",
    "SequenceVariant": "SK_SP_MP",
    "SeriesDescription": "MPRAGE_1.0mm_ipat",
    "SeriesNumber": 2,
    "ShimSetting": [
      750,
      495,
      1987,
      321,
      -129,
      -132,
      353,
      42
    ],
    "SliceThickness": 1,
    "SoftwareVersions": "syngo_MR_D13D",
    "StationName": "AWP66018",
    "TxRefAmp": 253.747,
    "dataset": "ds001545",
    "modality": "T1w",
    "subject_id": "01"
  },
  "cjv": 0.3565779896184252,
  "cnr": 3.7260842365751756,
  "efc": 0.5688008889558356,
  "fber": 3075.591457374279,
  "fwhm_avg": 4.371073103000899,
  "fwhm_x": 4.270599309002698,
  "fwhm_y": 4.35597,
  "fwhm_z": 4.48665,
  "icvs_csf": 0.21261713068399662,
  "icvs_gm": 0.4292412820788375,
  "icvs_wm": 0.3581415872371659,
  "inu_med": 0.6471350193023682,
  "inu_range": 0.43001035451889036,
  "provenance": {
    "md5sum": "e44a4ba89d65bed5680fa1653b582721",
    "settings": {
      "testing": false
    },
    "software": "mriqc",
    "version": "23.0.1",
    "warnings": {
      "large_rot_frame": true,
      "small_air_mask": false
    },
    "webapi_port": null,
    "webapi_url": "https://mriqc.nimh.nih.gov/api/v1"
  },
  "qi_1": 0.0,
  "qi_2": 0.0024650185076746083,
  "rpve_csf": 21.132497548598685,
  "rpve_gm": 10.819389406389561,
  "rpve_wm": 14.919995149087324,
  "size_x": 176,
  "size_y": 256,
  "size_z": 256,
  "snr_csf": 1.7790571623407754,
  "snr_gm": 10.02908969855967,
  "snr_total": 11.423429627469199,
  "snr_wm": 22.462142021507155,
  "snrd_csf": 8.904398448193822,
  "snrd_gm": 34.50828388012876,
  "snrd_total": 31.166545305102286,
  "snrd_wm": 50.08695358698427,
  "spacing_x": 1.0000025033950806,
  "spacing_y": 1.0,
  "spacing_z": 1.0,
  "summary_bg_k": 4.943647432578066,
  "summary_bg_mad": 13.079981283853572,
  "summary_bg_mean": 14.366924142256906,
  "summary_bg_median": 8.82231330871582,
  "summary_bg_n": 3252152.0,
  "summary_bg_p05": 0.0,
  "summary_bg_p95": 44.93865841627121,
  "summary_bg_stdv": 16.335964080932214,
  "summary_csf_k": 1.8843168147243023,
  "summary_csf_mad": 75.68676669979854,
  "summary_csf_mean": 199.31319990596995,
  "summary_csf_median": 177.77880308032036,
  "summary_csf_n": 45614.0,
  "summary_csf_p05": 75.12751176953316,
  "summary_csf_p95": 407.32896243631825,
  "summary_csf_stdv": 99.92756731045397,
  "summary_gm_k": -0.05336212414391461,
  "summary_gm_mad": 69.9642748881126,
  "summary_gm_mean": 688.4443115653892,
  "summary_gm_median": 688.9675299525261,
  "summary_gm_n": 37580.0,
  "summary_gm_p05": 574.3234064877033,
  "summary_gm_p95": 799.9356895387173,
  "summary_gm_stdv": 68.6960017231012,
  "summary_wm_k": 0.9186624785450412,
  "summary_wm_mad": 40.94306641456249,
  "summary_wm_mean": 1001.3672810059937,
  "summary_wm_median": 1000.0000236332417,
  "summary_wm_n": 232856.0,
  "summary_wm_p05": 931.5351963937283,
  "summary_wm_p95": 1076.1384254693985,
  "summary_wm_stdv": 44.519257131559435,
  "tpm_overlap_csf": 0.1591796606520654,
  "tpm_overlap_gm": 0.46644781296605725,
  "tpm_overlap_wm": 0.5176277611684516,
  "wm2max": 0.4356956956956957
}