{
  "bids_meta": {
    "AcquisitionMatrixPE": 256,
    "AcquisitionNumber": 1,
    "AcquisitionTime": "11:12:16.532500",
    "BaseResolution": 256,
    "BodyPartExamined": "BRAIN",
    "ConsistencyInfo": "N4_VD13D_LATEST_20130810",
    "ConversionSoftware": "dcm2niix",
    "ConversionSoftwareVersion": "v1.0.20180518 GCC4.8.5",
    "DeviceSerialNumber": "66018",
    "DwellTime": 9.8e-06,
    "EchoTime": 0.00219,
    "FlipAngle": 7,
    "ImageOrientationPatientDICOM": [
      0,
      1,
      0,
      0,
      0,
      -1
    ],
    "ImageType": [
      "ORIGINAL",
      "PRIMARY",
      "M",
      "ND",
      "NORM"
    ],
    "InPlanePhaseEncodingDirectionDICOM": "ROW",
    "InstitutionAddress": "Stadium_1952_Princeton_NJ_US_08544",
    "InstitutionName": "Princeton_University",
    "InstitutionalDepartmentName": "NeuroScience",
    "InversionTime": 1.2,
    "MRAcquisitionType": "3D",
    "MagneticFieldStrength": 3,
    "Manufacturer": "Siemens",
    "ManufacturersModelName": "Prisma",
    "Modality": "MR",
    "ParallelReductionFactorInPlane": 2,
    "PartialFourier": 1,
    "PatientPosition": "HFS",
    "PercentPhaseFOV": 100,
    "PhaseEncodingSteps": 255,
    "PhaseResolution": 1,
    "PixelBandwidth": 200,
    "ProcedureStepDescription": "Turk-Browne_projects",
    "ProtocolName": "MPRAGE_1.0mm_ipat",
    "PulseSequenceDetails": "%SiemensSeq%_tfl",
    "ReceiveCoilActiveElements": "HC1-7;NC1,2",
    "ReceiveCoilName": "HeadNeck_64",
    "ReconMatrixPE": 256,
    "RepetitionTime": 2.53,
    "SAR": 0.0342399,
    "ScanOptions": "IR",
    "ScanningSequence": "GR_IR",
    "SequenceName": "_tfl3d1_16ns",
    "SequenceVariant": "SK_SP_MP",
    "SeriesDescription": "MPRAGE_1.0mm_ipat",
    "SeriesNumber": 2,
    "ShimSetting": [
      761,
      502,
      2002,
      290,
      -114,
      -72,
      404,
      21
    ],
    "SliceThickness": 1,
    "SoftwareVersions": "syngo_MR_D13D",
    "StationName": "AWP66018",
    "TxRefAmp": 229.053,
    "dataset": "ds001545",
    "modality": "T1w",
    "subject_id": "20"
  },
  "cjv": 0.36132989787914627,
  "cnr": 3.5934222339116797,
  "efc": 0.5249845802140306,
  "fber": 8375.300277777778,
  "fwhm_avg": 4.128556666666666,
  "fwhm_x": 3.97761,
  "fwhm_y": 4.11156,
  "fwhm_z": 4.2965,
  "icvs_csf": 0.23353048872396379,
  "icvs_gm": 0.41904014618916435,
  "icvs_wm": 0.3474293650868719,
  "inu_med": 0.5727943181991577,
  "inu_range": 0.27690997123718253,
  "provenance": {
    "md5sum": "cec665f9ffbc2faa66ce80bc2923dcc5",
    "settings": {
      "testing": false
    },
    "software": "mriqc",
    "version": "23.0.1",
    "warnings": {
      "large_rot_frame": true,
      "small_air_mask": false
    },
    "webapi_port": null,
    "webapi_url": "https://mriqc.nimh.nih.gov/api/v1"
  },
  "qi_1": 0.00037486881873419095,
  "qi_2": 0.002664097436146884,
  "rpve_csf": 21.626054731717826,
  "rpve_gm": 12.25516729922853,
  "rpve_wm": 17.441707397637273,
  "size_x": 176,
  "size_y": 256,
  "size_z": 256,
  "snr_csf": 1.8302196858461548,
  "snr_gm": 9.948308454824879,
  "snr_total": 12.31271426847382,
  "snr_wm": 25.159614664750432,
  "snrd_csf": 10.403402257551486,
  "snrd_gm": 42.08358841036541,
  "snrd_total": 37.39784290546037,
  "snrd_wm": 59.706538048464225,
  "spacing_x": 1.0,
  "spacing_y": 1.0,
  "spacing_z": 1.0,
  "summary_bg_k": 4.609882847327783,
  "summary_bg_mad": 10.972842302367752,
  "summary_bg_mean": 10.590063708101896,
  "summary_bg_median": 7.401069663465023,
  "summary_bg_n": 3057518.0,
  "summary_bg_p05": 0.0,
  "summary_bg_p95": 33.79679210484028,
  "summary_bg_stdv": 12.141643641909877,
  "summary_csf_k": 2.000007169212033,
  "summary_csf_mad": 70.65749320715419,
  "summary_csf_mean": 195.65185416591032,
  "summary_csf_median": 174.24599271267653,
  "summary_csf_n": 52276.0,
  "summary_csf_p05": 81.11230105161667,
  "summary_csf_p95": 396.90909867174923,
  "summary_csf_stdv": 95.20404979563558,
  "summary_gm_k": 0.06946262489332566,
  "summary_gm_mad": 69.83294436362367,
  "summary_gm_mean": 701.5281185700024,
  "summary_gm_median": 704.8556287586689,
  "summary_gm_n": 34199.0,
  "summary_gm_p05": 580.4021503888071,
  "summary_gm_p95": 812.9668608196079,
  "summary_gm_stdv": 70.85077093013876,
  "summary_wm_k": 0.8056091850073397,
  "summary_wm_mad": 36.819277205343816,
  "summary_wm_mean": 1000.328765644149,
  "summary_wm_median": 1000.021409932524,
  "summary_wm_n": 208144.0,
  "summary_wm_p05": 935.9572375565767,
  "summary_wm_p95": 1065.4973470419645,
  "summary_wm_stdv": 39.74699219444598,
  "tpm_overlap_csf": 0.16603453975475774,
  "tpm_overlap_gm": 0.4579219012564195,
  "tpm_overlap_wm": 0.5065339868583153,
  "wm2max": 0.4299285285548518
}