{
  "bids_meta": {
    "AcquisitionMatrixPE": 256,
    "AcquisitionNumber": 1,
    "AcquisitionTime": "10:17:26.535000",
    "BaseResolution": 256,
    "BodyPartExamined": "BRAIN",
    "ConsistencyInfo": "N4_VD13D_LATEST_20130810",
    "ConversionSoftware": "dcm2niix",
    "ConversionSoftwareVersion": "v1.0.20180518 GCC4.8.5",
    "DeviceSerialNumber": "66018",
    "DwellTime": 9.8e-06,
    "EchoTime": 0.00267,
    "FlipAngle": 7,
    "ImageOrientationPatientDICOM": [
      -0.0191974,
      0.999816,
      -3.29916e-08,
      -0.0523263,
      -0.00100475,
      -0.99863
    ],
    "ImageType": [
      "ORIGINAL",
      "PRIMARY",
      "M",
      "ND",
      "NORM"
    ],
    "InPlanePhaseEncodingDirectionDICOM": "ROW",
    "InstitutionAddress": "Stadium_1952_Princeton_NJ_US_08544",
    "InstitutionName": "Princeton_University",
    "InstitutionalDepartmentName": "NeuroScience",
    "InversionTime": 1.2,
    "MRAcquisitionType": "3D",
    "MagneticFieldStrength": 3,
    "Manufacturer": "Siemens",
    "ManufacturersModelName": "Prisma",
    "Modality": "MR",
    "ParallelReductionFactorInPlane": 2,
    "PartialFourier": 1,
    "PatientPosition": "HFS",
    "PercentPhaseFOV": 100,
    "PhaseEncodingSteps": 255,
    "PhaseResolution": 1,
    "PixelBandwidth": 200,
    "ProcedureStepDescription": "Turk-Browne_projects",
    "ProtocolName": "MPRAGE_1.0mm_ipat",
    "PulseSequenceDetails": "%SiemensSeq%_tfl",
    "ReceiveCoilActiveElements": "HC1-7;NC1,2",
    "ReceiveCoilName": "HeadNeck_64",
    "ReconMatrixPE": 256,
    "RepetitionTime": 2.53,
    "SAR": 0.0333594,
    "ScanOptions": "IR",
    "ScanningSequence": "GR_IR",
    "SequenceName": "_tfl3d1_16",
    "SequenceVariant": "SK_SP_MP",
    "SeriesDescription": "MPRAGE_1.0mm_ipat",
    "SeriesNumber": 2,
    "ShimSetting": [
      740,
      530,
      1954,
      339,
      -129,
      -143,
      178,
      117
    ],
    "SliceThickness": 1,
    "SoftwareVersions": "syngo_MR_D13D",
    "StationName": "AWP66018",
    "TxRefAmp": 229.708,
    "dataset": "ds001545",
    "modality": "T1w",
    "subject_id": "14"
  },
  "cjv": 0.3513715847271879,
  "cnr": 3.760564931524694,
  "efc": 0.5186543832691112,
  "fber": 8130.201510240903,
  "fwhm_avg": 4.153535942718396,
  "fwhm_x": 4.1042078281551895,
  "fwhm_y": 4.08412,
  "fwhm_z": 4.27228,
  "icvs_csf": 0.21690927968833212,
  "icvs_gm": 0.42083181474010983,
  "icvs_wm": 0.36225890557155804,
  "inu_med": 0.5923510193824768,
  "inu_range": 0.3243568599224089,
  "provenance": {
    "md5sum": "071aa8be4bf2f07d64a69c969e203076",
    "settings": {
      "testing": false
    },
    "software": "mriqc",
    "version": "23.0.1",
    "warnings": {
      "large_rot_frame": true,
      "small_air_mask": false
    },
    "webapi_port": null,
    "webapi_url": "https://mriqc.nimh.nih.gov/api/v1"
  },
  "qi_1": 3.7589139960477706e-06,
  "qi_2": 0.002736081351420284,
  "rpve_csf": 22.65845377153039,
  "rpve_gm": 12.01055973351257,
  "rpve_wm": 16.538569167768877,
  "size_x": 176,
  "size_y": 256,
  "size_z": 256,
  "snr_csf": 1.841003301026451,
  "snr_gm": 9.625412856329802,
  "snr_total": 11.84080575625911,
  "snr_wm": 24.056001111421082,
  "snrd_csf": 13.245505149080861,
  "snrd_gm": 44.929324345307435,
  "snrd_total": 41.227755493727024,
  "snrd_wm": 65.50843698679279,
  "spacing_x": 0.9999980926513672,
  "spacing_y": 1.0,
  "spacing_z": 1.0,
  "summary_bg_k": 19.245537301502264,
  "summary_bg_mad": 10.001213664381881,
  "summary_bg_mean": 10.723177695082176,
  "summary_bg_median": 6.745716106146574,
  "summary_bg_n": 3491135.0,
  "summary_bg_p05": 0.0,
  "summary_bg_p95": 34.48275997117162,
  "summary_bg_stdv": 13.164483922778825,
  "summary_csf_k": 0.13505568505338017,
  "summary_csf_mad": 95.35318617904464,
  "summary_csf_mean": 227.3201548658442,
  "summary_csf_median": 202.2038877531886,
  "summary_csf_n": 37353.0,
  "summary_csf_p05": 83.90665263459087,
  "summary_csf_p95": 439.8123103491962,
  "summary_csf_stdv": 109.8320578569219,
  "summary_gm_k": -0.03559891142679694,
  "summary_gm_mad": 72.18267253423444,
  "summary_gm_mean": 684.9650160199968,
  "summary_gm_median": 685.8843022212386,
  "summary_gm_n": 25742.0,
  "summary_gm_p05": 564.5871088840067,
  "summary_gm_p95": 799.0929210597648,
  "summary_gm_stdv": 71.25626609980304,
  "summary_wm_k": 0.8620542225002716,
  "summary_wm_mad": 38.20339381114818,
  "summary_wm_mean": 1000.7113543298024,
  "summary_wm_median": 1000.0419380217791,
  "summary_wm_n": 216912.0,
  "summary_wm_p05": 934.3026301302016,
  "summary_wm_p95": 1069.719738546759,
  "summary_wm_stdv": 41.57131637167313,
  "tpm_overlap_csf": 0.15201785639970672,
  "tpm_overlap_gm": 0.46521923630643325,
  "tpm_overlap_wm": 0.5178938034359034,
  "wm2max": 0.47317868556816073
}