{
  "bids_meta": {
    "AcquisitionMatrixPE": 256,
    "AcquisitionNumber": 1,
    "AcquisitionTime": "09:59:54.835000",
    "BaseResolution": 256,
    "BodyPartExamined": "BRAIN",
    "ConsistencyInfo": "N4_VD13D_LATEST_20130810",
    "ConversionSoftware": "dcm2niix",
    "ConversionSoftwareVersion": "v1.0.20180518 GCC4.8.5",
    "DeviceSerialNumber": "66018",
    "DwellTime": 9.8e-06,
    "EchoTime": 0.00267,
    "FlipAngle": 7,
    "ImageOrientationPatientDICOM": [
      0,
      1,
      0,
      0.130526,
      0,
      -0.991445
    ],
    "ImageType": [
      "ORIGINAL",
      "PRIMARY",
      "M",
      "ND",
      "NORM"
    ],
    "InPlanePhaseEncodingDirectionDICOM": "ROW",
    "InstitutionAddress": "Stadium_1952_Princeton_NJ_US_08544",
    "InstitutionName": "Princeton_University",
    "InstitutionalDepartmentName": "NeuroScience",
    "InversionTime": 1.2,
    "MRAcquisitionType": "3D",
    "MagneticFieldStrength": 3,
    "Manufacturer": "Siemens",
    "ManufacturersModelName": "Prisma",
    "Modality": "MR",
    "ParallelReductionFactorInPlane": 2,
    "PartialFourier": 1,
    "PatientPosition": "HFS",
    "PercentPhaseFOV": 100,
    "PhaseEncodingSteps": 255,
    "PhaseResolution": 1,
    "PixelBandwidth": 200,
    "ProcedureStepDescription": "Turk-Browne_projects",
    "ProtocolName": "MPRAGE_1.0mm_ipat",
    "PulseSequenceDetails": "%SiemensSeq%_tfl",
    "ReceiveCoilActiveElements": "HC1-7;NC1,2",
    "ReceiveCoilName": "HeadNeck_64",
    "ReconMatrixPE": 256,
    "RepetitionTime": 2.53,
    "SAR": 0.0378047,
    "ScanOptions": "IR",
    "ScanningSequence": "GR_IR",
    "SequenceName": "_tfl3d1_16",
    "SequenceVariant": "SK_SP_MP",
    "SeriesDescription": "MPRAGE_1.0mm_ipat",
    "SeriesNumber": 2,
    "ShimSetting": [
      777,
      519,
      1992,
      349,
      -172,
      -225,
      323,
      -12
    ],
    "SliceThickness": 1,
    "SoftwareVersions": "syngo_MR_D13D",
    "StationName": "AWP66018",
    "TxRefAmp": 258.96,
    "dataset": "ds001545",
    "modality": "T1w",
    "subject_id": "08"
  },
  "cjv": 0.3335451672209285,
  "cnr": 3.9518640952086166,
  "efc": 0.5170362683129313,
  "fber": 9609.19275470374,
  "fwhm_avg": 3.8796925938312175,
  "fwhm_x": 3.796157781493652,
  "fwhm_y": 3.85601,
  "fwhm_z": 3.98691,
  "icvs_csf": 0.20095092789128421,
  "icvs_gm": 0.45741111457610295,
  "icvs_wm": 0.34163795753261283,
  "inu_med": 0.5896632671356201,
  "inu_range": 0.3080887049436569,
  "provenance": {
    "md5sum": "352e177ab4949d0e5db07890f2071a25",
    "settings": {
      "testing": false
    },
    "software": "mriqc",
    "version": "23.0.1",
    "warnings": {
      "large_rot_frame": true,
      "small_air_mask": false
    },
    "webapi_port": null,
    "webapi_url": "https://mriqc.nimh.nih.gov/api/v1"
  },
  "qi_1": 0.0,
  "qi_2": 0.0028116090224635623,
  "rpve_csf": 27.286871972680903,
  "rpve_gm": 13.13861474088832,
  "rpve_wm": 19.866478926937475,
  "size_x": 176,
  "size_y": 256,
  "size_z": 256,
  "snr_csf": 1.8286107904945776,
  "snr_gm": 9.616216752993516,
  "snr_total": 11.11377192200763,
  "snr_wm": 21.896488222534792,
  "snrd_csf": 13.054818975886883,
  "snrd_gm": 43.83239992358204,
  "snrd_total": 40.84104128197719,
  "snrd_wm": 65.63590494646263,
  "spacing_x": 1.0000032186508179,
  "spacing_y": 1.0,
  "spacing_z": 1.0,
  "summary_bg_k": 8.500250436101227,
  "summary_bg_mad": 9.98182354577496,
  "summary_bg_mean": 10.430631639387933,
  "summary_bg_median": 6.732637669891119,
  "summary_bg_n": 3950862.0,
  "summary_bg_p05": 0.0,
  "summary_bg_p95": 33.934301275759935,
  "summary_bg_stdv": 12.551645142846489,
  "summary_csf_k": 5.966862621564296,
  "summary_csf_mad": 86.0178619649332,
  "summary_csf_mean": 219.4753520707846,
  "summary_csf_median": 198.90651693195105,
  "summary_csf_n": 21673.0,
  "summary_csf_p05": 78.6227486282587,
  "summary_csf_p95": 432.7414158694446,
  "summary_csf_stdv": 108.77215047832824,
  "summary_gm_k": 0.009438191446963895,
  "summary_gm_mad": 69.47081219442036,
  "summary_gm_mean": 667.1648513930929,
  "summary_gm_median": 667.8415084630251,
  "summary_gm_n": 34213.0,
  "summary_gm_p05": 551.0370227135718,
  "summary_gm_p95": 778.7718808092177,
  "summary_gm_stdv": 69.44849159405952,
  "summary_wm_k": 1.0294220533008014,
  "summary_wm_mad": 41.3341283741151,
  "summary_wm_mean": 1000.5933748194734,
  "summary_wm_median": 1000.0452141612768,
  "summary_wm_n": 170774.0,
  "summary_wm_p05": 927.1610224731266,
  "summary_wm_p95": 1075.7760915756226,
  "summary_wm_stdv": 45.671354968659166,
  "tpm_overlap_csf": 0.15332970861168957,
  "tpm_overlap_gm": 0.4802538061298245,
  "tpm_overlap_wm": 0.5106147558911388,
  "wm2max": 0.45565503422172415
}