{
  "bids_meta": {
    "AcquisitionMatrixPE": 256,
    "AcquisitionNumber": 1,
    "AcquisitionTime": "18:16:36.852500",
    "BaseResolution": 256,
    "BodyPartExamined": "BRAIN",
    "ConsistencyInfo": "N4_VD13D_LATEST_20130810",
    "ConversionSoftware": "dcm2niix",
    "ConversionSoftwareVersion": "v1.0.20180518 GCC4.8.5",
    "DeviceSerialNumber": "66018",
    "DwellTime": 9.8e-06,
    "EchoTime": 0.00267,
    "FlipAngle": 7,
    "ImageOrientationPatientDICOM": [
      0,
      1,
      0,
      0,
      0,
      -1
    ],
    "ImageType": [
      "ORIGINAL",
      "PRIMARY",
      "M",
      "ND",
      "NORM"
    ],
    "InPlanePhaseEncodingDirectionDICOM": "ROW",
    "InstitutionAddress": "Stadium_1952_Princeton_NJ_US_08544",
    "InstitutionName": "Princeton_University",
    "InstitutionalDepartmentName": "NeuroScience",
    "InversionTime": 1.2,
    "MRAcquisitionType": "3D",
    "MagneticFieldStrength": 3,
    "Manufacturer": "Siemens",
    "ManufacturersModelName": "Prisma",
    "Modality": "MR",
    "ParallelReductionFactorInPlane": 2,
    "PartialFourier": 1,
    "PatientPosition": "HFS",
    "PercentPhaseFOV": 100,
    "PhaseEncodingSteps": 255,
    "PhaseResolution": 1,
    "PixelBandwidth": 200,
    "ProcedureStepDescription": "Turk-Browne_projects",
    "ProtocolName": "MPRAGE_1.0mm_ipat",
    "PulseSequenceDetails": "%SiemensSeq%_tfl",
    "ReceiveCoilActiveElements": "HC1-7;NC1,2",
    "ReceiveCoilName": "HeadNeck_64",
    "ReconMatrixPE": 256,
    "RepetitionTime": 2.53,
    "SAR": 0.0314281,
    "ScanOptions": "IR",
    "ScanningSequence": "GR_IR",
    "SequenceName": "_tfl3d1_16",
    "SequenceVariant": "SK_SP_MP",
    "SeriesDescription": "MPRAGE_1.0mm_ipat",
    "SeriesNumber": 2,
    "ShimSetting": [
      754,
      536,
      1947,
      358,
      -257,
      -235,
      128,
      51
    ],
    "SliceThickness": 1,
    "SoftwareVersions": "syngo_MR_D13D",
    "StationName": "AWP66018",
    "TxRefAmp": 228.181,
    "dataset": "ds001545",
    "modality": "T1w",
    "subject_id": "02"
  },
  "cjv": 0.3171439163592996,
  "cnr": 4.223377833980521,
  "efc": 0.5398873055406058,
  "fber": 10998.126152587745,
  "fwhm_avg": 4.415133333333333,
  "fwhm_x": 4.36258,
  "fwhm_y": 4.31826,
  "fwhm_z": 4.56456,
  "icvs_csf": 0.1820044598946471,
  "icvs_gm": 0.45212139989412187,
  "icvs_wm": 0.36587414021123105,
  "inu_med": 0.5477809906005859,
  "inu_range": 0.31947416812181473,
  "provenance": {
    "md5sum": "b1cbd85e69ed0a165cdbaf7ce359c87e",
    "settings": {
      "testing": false
    },
    "software": "mriqc",
    "version": "23.0.1",
    "warnings": {
      "large_rot_frame": true,
      "small_air_mask": false
    },
    "webapi_port": null,
    "webapi_url": "https://mriqc.nimh.nih.gov/api/v1"
  },
  "qi_1": 0.0,
  "qi_2": 0.002874699487245079,
  "rpve_csf": 27.460743286644234,
  "rpve_gm": 12.16800242157944,
  "rpve_wm": 17.075249018610982,
  "size_x": 176,
  "size_y": 256,
  "size_z": 256,
  "snr_csf": 1.943812106165584,
  "snr_gm": 10.37591473379769,
  "snr_total": 12.040555091319453,
  "snr_wm": 23.80193843399508,
  "snrd_csf": 16.131518443981758,
  "snrd_gm": 50.92838953968582,
  "snrd_total": 47.6664742001405,
  "snrd_wm": 75.93951461675393,
  "spacing_x": 1.0,
  "spacing_y": 1.0,
  "spacing_z": 1.0,
  "summary_bg_k": 5.426384255183292,
  "summary_bg_mad": 8.627399324573153,
  "summary_bg_mean": 9.882728867220655,
  "summary_bg_median": 5.8190924152731895,
  "summary_bg_n": 3445358.0,
  "summary_bg_p05": 0.0,
  "summary_bg_p95": 32.18915677815676,
  "summary_bg_stdv": 11.78340144015737,
  "summary_csf_k": 1.3362511697646742,
  "summary_csf_mad": 95.22901532946568,
  "summary_csf_mean": 230.50926631066716,
  "summary_csf_median": 212.43370285630226,
  "summary_csf_n": 21574.0,
  "summary_csf_p05": 83.27194905653596,
  "summary_csf_p95": 438.44651567153625,
  "summary_csf_stdv": 109.28462620041176,
  "summary_gm_k": -0.06716569237493264,
  "summary_gm_mad": 65.30613665942715,
  "summary_gm_mean": 672.3561053450863,
  "summary_gm_median": 670.6688157096505,
  "summary_gm_n": 43886.0,
  "summary_gm_p05": 567.8126742998138,
  "summary_gm_p95": 779.7583836466074,
  "summary_gm_stdv": 64.63634212873755,
  "summary_wm_k": 0.6212887836818792,
  "summary_wm_mad": 39.150919719740195,
  "summary_wm_mean": 1000.293274530254,
  "summary_wm_median": 1000.0368123538792,
  "summary_wm_n": 204303.0,
  "summary_wm_p05": 932.0491883121431,
  "summary_wm_p95": 1069.4607946500182,
  "summary_wm_stdv": 42.014828653078524,
  "tpm_overlap_csf": 0.13722488225739127,
  "tpm_overlap_gm": 0.4685190379128531,
  "tpm_overlap_wm": 0.5095668336032088,
  "wm2max": 0.5447268642044657
}