{
  "bids_meta": {
    "AcquisitionMatrixPE": 256,
    "AcquisitionNumber": 1,
    "AcquisitionTime": "11:22:12.880000",
    "BaseResolution": 256,
    "BodyPartExamined": "BRAIN",
    "ConsistencyInfo": "N4_VD13D_LATEST_20130810",
    "ConversionSoftware": "dcm2niix",
    "ConversionSoftwareVersion": "v1.0.20180518 GCC4.8.5",
    "DeviceSerialNumber": "66018",
    "DwellTime": 9.8e-06,
    "EchoTime": 0.00267,
    "FlipAngle": 7,
    "ImageOrientationPatientDICOM": [
      0,
      1,
      0,
      0.107999,
      0,
      -0.994151
    ],
    "ImageType": [
      "ORIGINAL",
      "PRIMARY",
      "M",
      "ND",
      "NORM"
    ],
    "InPlanePhaseEncodingDirectionDICOM": "ROW",
    "InstitutionAddress": "Stadium_1952_Princeton_NJ_US_08544",
    "InstitutionName": "Princeton_University",
    "InstitutionalDepartmentName": "NeuroScience",
    "InversionTime": 1.2,
    "MRAcquisitionType": "3D",
    "MagneticFieldStrength": 3,
    "Manufacturer": "Siemens",
    "ManufacturersModelName": "Prisma",
    "Modality": "MR",
    "ParallelReductionFactorInPlane": 2,
    "PartialFourier": 1,
    "PatientPosition": "HFS",
    "PercentPhaseFOV": 100,
    "PhaseEncodingSteps": 255,
    "PhaseResolution": 1,
    "PixelBandwidth": 200,
    "ProcedureStepDescription": "Turk-Browne_projects",
    "ProtocolName": "MPRAGE_1.0mm_ipat",
    "PulseSequenceDetails": "%SiemensSeq%_tfl",
    "ReceiveCoilActiveElements": "HC1-7;NC1,2",
    "ReceiveCoilName": "HeadNeck_64",
    "ReconMatrixPE": 256,
    "RepetitionTime": 2.53,
    "SAR": 0.0384681,
    "ScanOptions": "IR",
    "ScanningSequence": "GR_IR",
    "SequenceName": "_tfl3d1_16",
    "SequenceVariant": "SK_SP_MP",
    "SeriesDescription": "MPRAGE_1.0mm_ipat",
    "SeriesNumber": 2,
    "ShimSetting": [
      767,
      488,
      1879,
      379,
      -162,
      -178,
      46,
      59
    ],
    "SliceThickness": 1,
    "SoftwareVersions": "syngo_MR_D13D",
    "StationName": "AWP66018",
    "TxRefAmp": 251.422,
    "dataset": "ds001545",
    "modality": "T1w",
    "subject_id": "04"
  },
  "cjv": 0.3403757135250609,
  "cnr": 3.925850203214502,
  "efc": 0.5509795560136422,
  "fber": 9771.062370152356,
  "fwhm_avg": 4.388090244506798,
  "fwhm_x": 4.392160733520393,
  "fwhm_y": 4.28571,
  "fwhm_z": 4.4864,
  "icvs_csf": 0.19539908220384905,
  "icvs_gm": 0.4134215894354742,
  "icvs_wm": 0.3911793283606767,
  "inu_med": 0.4890272617340088,
  "inu_range": 0.2768421024084091,
  "provenance": {
    "md5sum": "8d4e848355fd7b950eb0f9bd6be9855c",
    "settings": {
      "testing": false
    },
    "software": "mriqc",
    "version": "23.0.1",
    "warnings": {
      "large_rot_frame": true,
      "small_air_mask": false
    },
    "webapi_port": null,
    "webapi_url": "https://mriqc.nimh.nih.gov/api/v1"
  },
  "qi_1": 4.263509233542854e-06,
  "qi_2": 0.0022646508043388408,
  "rpve_csf": 24.662851911685514,
  "rpve_gm": 12.308204103946435,
  "rpve_wm": 15.511711238346992,
  "size_x": 176,
  "size_y": 256,
  "size_z": 256,
  "snr_csf": 1.596078629710082,
  "snr_gm": 10.168131318822386,
  "snr_total": 12.433657212832282,
  "snr_wm": 25.536761689964383,
  "snrd_csf": 14.953781724818814,
  "snrd_gm": 44.360934866248215,
  "snrd_total": 41.24629526759548,
  "snrd_wm": 64.42416921171942,
  "spacing_x": 0.9999975562095642,
  "spacing_y": 1.0,
  "spacing_z": 1.0,
  "summary_bg_k": 19.121609727857276,
  "summary_bg_mad": 10.169108996244846,
  "summary_bg_mean": 10.58510572358584,
  "summary_bg_median": 6.858959786593914,
  "summary_bg_n": 3060705.0,
  "summary_bg_p05": 0.0,
  "summary_bg_p95": 34.20395178347826,
  "summary_bg_stdv": 13.171887300884965,
  "summary_csf_k": 15.024572387142218,
  "summary_csf_mad": 128.5617819459034,
  "summary_csf_mean": 257.9605383265664,
  "summary_csf_median": 232.11446695029736,
  "summary_csf_n": 24555.0,
  "summary_csf_p05": 75.08516905456781,
  "summary_csf_p95": 492.4051773153245,
  "summary_csf_stdv": 145.42500360695198,
  "summary_gm_k": -0.09523844038730278,
  "summary_gm_mad": 69.43279056376448,
  "summary_gm_mean": 688.2806514503776,
  "summary_gm_median": 688.575969569385,
  "summary_gm_n": 42355.0,
  "summary_gm_p05": 576.7431285455823,
  "summary_gm_p95": 797.0610931344328,
  "summary_gm_stdv": 67.71822858149612,
  "summary_wm_k": 0.7466670813521912,
  "summary_wm_mad": 36.56838533086723,
  "summary_wm_mean": 1001.0690129418736,
  "summary_wm_median": 999.9999980255961,
  "summary_wm_n": 251692.0,
  "summary_wm_p05": 938.9961371421814,
  "summary_wm_p95": 1066.5001114532351,
  "summary_wm_stdv": 39.1591550882357,
  "tpm_overlap_csf": 0.1419681353138127,
  "tpm_overlap_gm": 0.44963365469490335,
  "tpm_overlap_wm": 0.5077042973394096,
  "wm2max": 0.4689447141021375
}