{
  "bids_meta": {
    "AcquisitionMatrixPE": 256,
    "AcquisitionNumber": 1,
    "AcquisitionTime": "16:17:51.547500",
    "BaseResolution": 256,
    "BodyPartExamined": "BRAIN",
    "ConsistencyInfo": "N4_VD13D_LATEST_20130810",
    "ConversionSoftware": "dcm2niix",
    "ConversionSoftwareVersion": "v1.0.20180518 GCC4.8.5",
    "DeviceSerialNumber": "66018",
    "DwellTime": 9.8e-06,
    "EchoTime": 0.00219,
    "FlipAngle": 7,
    "ImageOrientationPatientDICOM": [
      0,
      1,
      0,
      0,
      0,
      -1
    ],
    "ImageType": [
      "ORIGINAL",
      "PRIMARY",
      "M",
      "ND",
      "NORM"
    ],
    "InPlanePhaseEncodingDirectionDICOM": "ROW",
    "InstitutionAddress": "Stadium_1952_Princeton_NJ_US_08544",
    "InstitutionName": "Princeton_University",
    "InstitutionalDepartmentName": "NeuroScience",
    "InversionTime": 1.2,
    "MRAcquisitionType": "3D",
    "MagneticFieldStrength": 3,
    "Manufacturer": "Siemens",
    "ManufacturersModelName": "Prisma",
    "Modality": "MR",
    "ParallelReductionFactorInPlane": 2,
    "PartialFourier": 1,
    "PatientPosition": "HFS",
    "PercentPhaseFOV": 100,
    "PhaseEncodingSteps": 255,
    "PhaseResolution": 1,
    "PixelBandwidth": 200,
    "ProcedureStepDescription": "Turk-Browne_projects",
    "ProtocolName": "MPRAGE_1.0mm_ipat",
    "PulseSequenceDetails": "%SiemensSeq%_tfl",
    "ReceiveCoilActiveElements": "HC1-7;NC1,2",
    "ReceiveCoilName": "HeadNeck_64",
    "ReconMatrixPE": 256,
    "RepetitionTime": 2.53,
    "SAR": 0.0454789,
    "ScanOptions": "IR",
    "ScanningSequence": "GR_IR",
    "SequenceName": "_tfl3d1_16ns",
    "SequenceVariant": "SK_SP_MP",
    "SeriesDescription": "MPRAGE_1.0mm_ipat",
    "SeriesNumber": 2,
    "ShimSetting": [
      753,
      544,
      2000,
      269,
      -149,
      -189,
      262,
      46
    ],
    "SliceThickness": 1,
    "SoftwareVersions": "syngo_MR_D13D",
    "StationName": "AWP66018",
    "TxRefAmp": 247.089,
    "dataset": "ds001545",
    "modality": "T1w",
    "subject_id": "17"
  },
  "cjv": 0.3428891660977973,
  "cnr": 3.8266305552975948,
  "efc": 0.5392158579421263,
  "fber": 11128.125940272961,
  "fwhm_avg": 4.077876666666667,
  "fwhm_x": 3.87295,
  "fwhm_y": 4.06835,
  "fwhm_z": 4.29233,
  "icvs_csf": 0.19861980828733433,
  "icvs_gm": 0.43426634390990376,
  "icvs_wm": 0.3671138478027619,
  "inu_med": 0.6271664500236511,
  "inu_range": 0.3631204664707184,
  "provenance": {
    "md5sum": "e6101ff8c85259ebfa5a73c061a1ee5a",
    "settings": {
      "testing": false
    },
    "software": "mriqc",
    "version": "23.0.1",
    "warnings": {
      "large_rot_frame": true,
      "small_air_mask": false
    },
    "webapi_port": null,
    "webapi_url": "https://mriqc.nimh.nih.gov/api/v1"
  },
  "qi_1": 0.0,
  "qi_2": 0.0029920668951343996,
  "rpve_csf": 25.08135815147063,
  "rpve_gm": 12.293190962483415,
  "rpve_wm": 16.754523252412987,
  "size_x": 176,
  "size_y": 256,
  "size_z": 256,
  "snr_csf": 1.8624463548259107,
  "snr_gm": 10.51537755053931,
  "snr_total": 11.972681104851853,
  "snr_wm": 23.540219409190346,
  "snrd_csf": 13.587895693496076,
  "snrd_gm": 48.127348091620945,
  "snrd_total": 43.65170672265987,
  "snrd_wm": 69.23987638286258,
  "spacing_x": 1.0,
  "spacing_y": 1.0,
  "spacing_z": 1.0,
  "summary_bg_k": 37.17775252032527,
  "summary_bg_mad": 9.461836680336491,
  "summary_bg_mean": 10.769813631567617,
  "summary_bg_median": 6.381911858916283,
  "summary_bg_n": 3973988.0,
  "summary_bg_p05": 0.0,
  "summary_bg_p95": 36.4680677652359,
  "summary_bg_stdv": 13.250314827809385,
  "summary_csf_k": 4.705554441998484,
  "summary_csf_mad": 83.94000826412801,
  "summary_csf_mean": 218.19525586835692,
  "summary_csf_median": 196.2437896616757,
  "summary_csf_n": 30915.0,
  "summary_csf_p05": 89.35132453329862,
  "summary_csf_p95": 429.13798742741346,
  "summary_csf_stdv": 105.3671238381737,
  "summary_gm_k": 0.11777688134993136,
  "summary_gm_mad": 64.47565852172151,
  "summary_gm_mean": 695.3695597417011,
  "summary_gm_median": 695.0813716053963,
  "summary_gm_n": 36387.0,
  "summary_gm_p05": 587.4094015285373,
  "summary_gm_p95": 804.6223301552236,
  "summary_gm_stdv": 66.10051013070199,
  "summary_wm_k": 0.5046284968669275,
  "summary_wm_mad": 40.07763679599671,
  "summary_wm_mean": 1000.5495188759216,
  "summary_wm_median": 1000.000003207475,
  "summary_wm_n": 213558.0,
  "summary_wm_p05": 931.8503015711904,
  "summary_wm_p95": 1070.7480546720326,
  "summary_wm_stdv": 42.48038833189389,
  "tpm_overlap_csf": 0.15156237151147126,
  "tpm_overlap_gm": 0.46138314025609195,
  "tpm_overlap_wm": 0.5005387471877767,
  "wm2max": 0.45641228362183756
}