{
  "bids_meta": {
    "AcquisitionMatrixPE": 256,
    "AcquisitionNumber": 1,
    "AcquisitionTime": "09:19:28.670000",
    "BaseResolution": 256,
    "BodyPartExamined": "BRAIN",
    "ConsistencyInfo": "N4_VD13D_LATEST_20130810",
    "ConversionSoftware": "dcm2niix",
    "ConversionSoftwareVersion": "v1.0.20180518 GCC4.8.5",
    "DeviceSerialNumber": "66018",
    "DwellTime": 9.8e-06,
    "EchoTime": 0.00267,
    "FlipAngle": 7,
    "ImageOrientationPatientDICOM": [
      0,
      1,
      0,
      0,
      0,
      -1
    ],
    "ImageType": [
      "ORIGINAL",
      "PRIMARY",
      "M",
      "ND",
      "NORM"
    ],
    "InPlanePhaseEncodingDirectionDICOM": "ROW",
    "InstitutionAddress": "Stadium_1952_Princeton_NJ_US_08544",
    "InstitutionName": "Princeton_University",
    "InstitutionalDepartmentName": "NeuroScience",
    "InversionTime": 1.2,
    "MRAcquisitionType": "3D",
    "MagneticFieldStrength": 3,
    "Manufacturer": "Siemens",
    "ManufacturersModelName": "Prisma",
    "Modality": "MR",
    "ParallelReductionFactorInPlane": 2,
    "PartialFourier": 1,
    "PatientPosition": "HFS",
    "PercentPhaseFOV": 100,
    "PhaseEncodingSteps": 255,
    "PhaseResolution": 1,
    "PixelBandwidth": 200,
    "ProcedureStepDescription": "Turk-Browne_projects",
    "ProtocolName": "MPRAGE_1.0mm_ipat",
    "PulseSequenceDetails": "%SiemensSeq%_tfl",
    "ReceiveCoilActiveElements": "HC1-7;NC1,2",
    "ReceiveCoilName": "HeadNeck_64",
    "ReconMatrixPE": 256,
    "RepetitionTime": 2.53,
    "SAR": 0.0305372,
    "ScanOptions": "IR",
    "ScanningSequence": "GR_IR",
    "SequenceName": "_tfl3d1_16",
    "SequenceVariant": "SK_SP_MP",
    "SeriesDescription": "MPRAGE_1.0mm_ipat",
    "SeriesNumber": 2,
    "ShimSetting": [
      771,
      578,
      1852,
      379,
      -75,
      86,
      262,
      -39
    ],
    "SliceThickness": 1,
    "SoftwareVersions": "syngo_MR_D13D",
    "StationName": "AWP66018",
    "TxRefAmp": 227.837,
    "dataset": "ds001545",
    "modality": "T1w",
    "subject_id": "06"
  },
  "cjv": 0.3359311408028943,
  "cnr": 3.9907067636608304,
  "efc": 0.5221987129283204,
  "fber": 8433.721245674742,
  "fwhm_avg": 4.22854,
  "fwhm_x": 4.13934,
  "fwhm_y": 4.16608,
  "fwhm_z": 4.3802,
  "icvs_csf": 0.23296403062562998,
  "icvs_gm": 0.4243936749078528,
  "icvs_wm": 0.3426422944665172,
  "inu_med": 0.5719006657600403,
  "inu_range": 0.29817011952400185,
  "provenance": {
    "md5sum": "b5b60cfc2cc374af50646db688a6f166",
    "settings": {
      "testing": false
    },
    "software": "mriqc",
    "version": "23.0.1",
    "warnings": {
      "large_rot_frame": true,
      "small_air_mask": false
    },
    "webapi_port": null,
    "webapi_url": "https://mriqc.nimh.nih.gov/api/v1"
  },
  "qi_1": 0.0,
  "qi_2": 0.00282736789615096,
  "rpve_csf": 23.27609979701682,
  "rpve_gm": 12.830743849741541,
  "rpve_wm": 18.25769250997273,
  "size_x": 176,
  "size_y": 256,
  "size_z": 256,
  "snr_csf": 1.8979959888257378,
  "snr_gm": 10.312294942539081,
  "snr_total": 11.777080295649375,
  "snr_wm": 23.120949955583303,
  "snrd_csf": 12.239062125206644,
  "snrd_gm": 44.12826990452264,
  "snrd_total": 40.380449231459586,
  "snrd_wm": 64.77401566464947,
  "spacing_x": 1.0,
  "spacing_y": 1.0,
  "spacing_z": 1.0,
  "summary_bg_k": 4.170762412423696,
  "summary_bg_mad": 10.114610899068849,
  "summary_bg_mean": 10.501921536283934,
  "summary_bg_median": 6.822201378643513,
  "summary_bg_n": 3419542.0,
  "summary_bg_p05": 0.0,
  "summary_bg_p95": 33.437209226191044,
  "summary_bg_stdv": 12.012311071055603,
  "summary_csf_k": 1.5836574576848124,
  "summary_csf_mad": 83.78893720092836,
  "summary_csf_mean": 208.778027882707,
  "summary_csf_median": 188.95813324674964,
  "summary_csf_n": 42650.0,
  "summary_csf_p05": 80.39248414710164,
  "summary_csf_p95": 405.920982029289,
  "summary_csf_stdv": 99.55548859311614,
  "summary_gm_k": -0.03457711873823621,
  "summary_gm_mad": 66.80638062965227,
  "summary_gm_mean": 680.881094637895,
  "summary_gm_median": 681.2936660721898,
  "summary_gm_n": 25793.0,
  "summary_gm_p05": 571.5909834094346,
  "summary_gm_p95": 787.2904615662992,
  "summary_gm_stdv": 66.06487331786225,
  "summary_wm_k": 0.7625510528243953,
  "summary_wm_mad": 40.271135987033375,
  "summary_wm_mean": 999.9945836405803,
  "summary_wm_median": 1000.0420749299228,
  "summary_wm_n": 183546.0,
  "summary_wm_p05": 929.4617693088949,
  "summary_wm_p95": 1070.0328075923026,
  "summary_wm_stdv": 43.25252001409859,
  "tpm_overlap_csf": 0.15438392188146818,
  "tpm_overlap_gm": 0.471876871803221,
  "tpm_overlap_wm": 0.5104130750224405,
  "wm2max": 0.4550890170751806
}