{
  "bids_meta": {
    "AcquisitionMatrixPE": 256,
    "AcquisitionNumber": 1,
    "AcquisitionTime": "11:14:46.550000",
    "BaseResolution": 256,
    "BodyPartExamined": "BRAIN",
    "ConsistencyInfo": "N4_VD13D_LATEST_20130810",
    "ConversionSoftware": "dcm2niix",
    "ConversionSoftwareVersion": "v1.0.20180518 GCC4.8.5",
    "DeviceSerialNumber": "66018",
    "DwellTime": 9.8e-06,
    "EchoTime": 0.00267,
    "FlipAngle": 7,
    "ImageOrientationPatientDICOM": [
      0,
      1,
      0,
      0,
      0,
      -1
    ],
    "ImageType": [
      "ORIGINAL",
      "PRIMARY",
      "M",
      "ND",
      "NORM"
    ],
    "InPlanePhaseEncodingDirectionDICOM": "ROW",
    "InstitutionAddress": "Stadium_1952_Princeton_NJ_US_08544",
    "InstitutionName": "Princeton_University",
    "InstitutionalDepartmentName": "NeuroScience",
    "InversionTime": 1.2,
    "MRAcquisitionType": "3D",
    "MagneticFieldStrength": 3,
    "Manufacturer": "Siemens",
    "ManufacturersModelName": "Prisma",
    "Modality": "MR",
    "ParallelReductionFactorInPlane": 2,
    "PartialFourier": 1,
    "PatientPosition": "HFS",
    "PercentPhaseFOV": 100,
    "PhaseEncodingSteps": 255,
    "PhaseResolution": 1,
    "PixelBandwidth": 200,
    "ProcedureStepDescription": "Turk-Browne_projects",
    "ProtocolName": "MPRAGE_1.0mm_ipat",
    "PulseSequenceDetails": "%SiemensSeq%_tfl",
    "ReceiveCoilActiveElements": "HC1-7;NC1,2",
    "ReceiveCoilName": "HeadNeck_64",
    "ReconMatrixPE": 256,
    "RepetitionTime": 2.53,
    "SAR": 0.0388425,
    "ScanOptions": "IR",
    "ScanningSequence": "GR_IR",
    "SequenceName": "_tfl3d1_16",
    "SequenceVariant": "SK_SP_MP",
    "SeriesDescription": "MPRAGE_1.0mm_ipat",
    "SeriesNumber": 2,
    "ShimSetting": [
      738,
      518,
      2019,
      236,
      -115,
      -216,
      241,
      43
    ],
    "SliceThickness": 1,
    "SoftwareVersions": "syngo_MR_D13D",
    "StationName": "AWP66018",
    "TxRefAmp": 248.07,
    "dataset": "ds001545",
    "modality": "T1w",
    "subject_id": "09"
  },
  "cjv": 0.3744853996528842,
  "cnr": 3.565843074540745,
  "efc": 0.5592191896834399,
  "fber": 7376.133961263604,
  "fwhm_avg": 4.108756666666667,
  "fwhm_x": 3.987,
  "fwhm_y": 4.06694,
  "fwhm_z": 4.27233,
  "icvs_csf": 0.20493548311998824,
  "icvs_gm": 0.42793324428991764,
  "icvs_wm": 0.3671312725900941,
  "inu_med": 0.5864371657371521,
  "inu_range": 0.3101832523941993,
  "provenance": {
    "md5sum": "0c4b1e8eeede47d5455a33a4edf55077",
    "settings": {
      "testing": false
    },
    "software": "mriqc",
    "version": "23.0.1",
    "warnings": {
      "large_rot_frame": true,
      "small_air_mask": false
    },
    "webapi_port": null,
    "webapi_url": "https://mriqc.nimh.nih.gov/api/v1"
  },
  "qi_1": 0.0,
  "qi_2": 0.0026810111883078845,
  "rpve_csf": 23.440423449834583,
  "rpve_gm": 11.781773889245953,
  "rpve_wm": 15.887517207691284,
  "size_x": 176,
  "size_y": 256,
  "size_z": 256,
  "snr_csf": 1.7930605389855105,
  "snr_gm": 10.287014296322054,
  "snr_total": 11.192430330469039,
  "snr_wm": 21.49721615609955,
  "snrd_csf": 11.405019412990304,
  "snrd_gm": 42.055391930671604,
  "snrd_total": 37.803607276492606,
  "snrd_wm": 59.950410485815915,
  "spacing_x": 1.0,
  "spacing_y": 1.0,
  "spacing_z": 1.0,
  "summary_bg_k": 4.061284562767695,
  "summary_bg_mad": 10.928421945164319,
  "summary_bg_mean": 11.954598059985038,
  "summary_bg_median": 7.371108587831259,
  "summary_bg_n": 3381813.0,
  "summary_bg_p05": 0.0,
  "summary_bg_p95": 38.70861493051052,
  "summary_bg_stdv": 13.905296619685776,
  "summary_csf_k": 1.6049384027765772,
  "summary_csf_mad": 82.9705330920576,
  "summary_csf_mean": 214.93578147449614,
  "summary_csf_median": 190.24872444570065,
  "summary_csf_n": 34714.0,
  "summary_csf_p05": 86.0916657494381,
  "summary_csf_p95": 434.6071510389447,
  "summary_csf_stdv": 106.1012609775496,
  "summary_gm_k": 0.040215661145986736,
  "summary_gm_mad": 68.19579504328796,
  "summary_gm_mean": 698.9758217626579,
  "summary_gm_median": 701.5318765491247,
  "summary_gm_n": 33425.0,
  "summary_gm_p05": 583.6764978989959,
  "summary_gm_p95": 807.0334419235587,
  "summary_gm_stdv": 68.19484858712896,
  "summary_wm_k": 0.5682345976396572,
  "summary_wm_mad": 43.59158250752695,
  "summary_wm_mean": 1000.7470421797278,
  "summary_wm_median": 1000.0411846674979,
  "summary_wm_n": 221052.0,
  "summary_wm_p05": 925.5888699926436,
  "summary_wm_p95": 1078.034925814718,
  "summary_wm_stdv": 46.51946165489019,
  "tpm_overlap_csf": 0.16857518466883314,
  "tpm_overlap_gm": 0.4640420795509004,
  "tpm_overlap_wm": 0.5157200631988745,
  "wm2max": 0.46062364857175375
}